GIT
  remote: https://github.com/harshared/simple_calendar
  revision: 109781178efa26c89ba51efa496bca29bc70a565
  specs:
    simple_calendar (2.2.5)
      rails (>= 3.0)

GIT
  remote: https://github.com/ideacrew/aca_entities.git
  revision: 1b25e26dfb947487dada29d615122ccc0ffd8951
  branch: trunk
  specs:
    aca_entities (0.10.0)
      deep_merge
      dry-monads (~> 1.2)
      dry-struct (~> 1.0)
      dry-transformer (~> 0.1.1)
      dry-types (~> 1.0)
      dry-validation (~> 1.2)
      iso_country_codes
      json-schema
      nokogiri-happymapper
      oj (~> 3.11)
      rbnacl (~> 7.1)

GIT
  remote: https://github.com/ideacrew/acapi.git
  revision: 2e9e00bf93956817159c34ba2fb812e8074fe729
  branch: trunk
  specs:
    acapi (1.3.4)
      activesupport (> 4.2.0)
      bunny (>= 1.7.0, < 3)
      sneakers

GIT
  remote: https://github.com/ideacrew/openhbx_cv2.git
  revision: 4b6ace9d5a8202c0a115355e3166cdd6c3bb9bb7
  branch: trunk
  specs:
    openhbx_cv2 (0.0.1)
      activesupport (>= 3.2)
      nokogiri-happymapper (~> 0.5)

GIT
  remote: https://github.com/ideacrew/resource_registry.git
  revision: 326b5606bd2cd29209446682e26d477ec235dbd1
  branch: trunk
  specs:
    resource_registry (0.7.0)
      bootsnap (~> 1.0)
      deep_merge (>= 1.0.0)
      dry-configurable (~> 0.12)
      dry-container (~> 0.9)
      dry-matcher (~> 0.7)
      dry-monads (~> 1.3)
      dry-struct (~> 1.0)
      dry-types (~> 1.0)
      dry-validation (~> 1.2)
      i18n (>= 0.7.0)
      mime-types
      ox (~> 2.0)

GIT
  remote: https://github.com/prawnpdf/prawn.git
  revision: 8028ca0cd2aae8c72df9fc4bf16388948423bcb2
  ref: 8028ca0cd2
  specs:
    prawn (1.0.0.rc2)
      afm
      pdf-reader (~> 1.2)
      ruby-rc4
      ttfunk (~> 1.0.3)

PATH
  remote: components/benefit_markets
  specs:
    benefit_markets (0.0.1)
      aasm (~> 4.8.0)
      active_model_serializers
      config
      dry-monads
      dry-struct
      dry-types
      dry-validation
      mini_portile2 (~> 2.8.0)
      mongoid (~> 7.5.4)
      pundit (~> 1.0.1)
      rack (>= 2.2.13)
      rails (~> 6.1.7.10)
      slim (~> 3.0.9)
      symmetric-encryption (~> 3.6.0)
      virtus (= 1.0.5)

PATH
  remote: components/benefit_sponsors
  specs:
    benefit_sponsors (0.0.1)
      aasm (~> 4.8.0)
      active_model_serializers
      browser (= 2.7.0)
      config
      devise (~> 4.5)
      dry-auto_inject (= 0.6.1)
      dry-container
      dry-initializer
      dry-monads
      dry-schema (~> 1.0)
      dry-struct
      dry-validation (~> 1.0)
      interactor (= 3.1.2)
      interactor-rails (= 2.2.1)
      language_list (~> 1.1.0)
      money-rails (~> 1.13)
      mongoid (~> 7.5.4)
      mongoid-autoinc
      pundit (~> 1.0.1)
      rack (>= 2.2.13)
      rails (~> 6.1.7.10)
      roo (~> 2.10)
      slim (~> 3.0.8)
      symmetric-encryption (~> 3.6.0)
      virtus (~> 1.0.5)

PATH
  remote: components/notifier
  specs:
    notifier (0.0.1)
      aasm (~> 4.8.0)
      acapi
      ckeditor (= 4.2.4)
      combine_pdf
      config
      money-rails (~> 1.13)
      mongoid (~> 7.5.4)
      non-stupid-digest-assets
      pundit
      rack (>= 2.2.13)
      rails (~> 6.1.7.10)
      roo (~> 2.10)
      slim (= 3.0.9)
      virtus (~> 1.0.5)
      wicked_pdf (= 2.1.0)
      wkhtmltopdf-binary-edge (~> 0.12.3.0)

PATH
  remote: components/sponsored_benefits
  specs:
    sponsored_benefits (0.0.1)
      aasm (~> 4.8.0)
      config
      dry-auto_inject (= 0.6.1)
      dry-container
      dry-initializer
      dry-monads
      dry-schema (~> 1.0)
      dry-struct
      dry-types
      dry-validation (~> 1.0)
      mongoid (~> 7.5.4)
      rack (>= 2.2.13)
      rails (~> 6.1.7.10)
      roo (~> 2.10)
      slim (~> 3.0.8)
      symmetric-encryption (~> 3.6.0)

PATH
  remote: components/transport_gateway
  specs:
    transport_gateway (0.0.1)
      aws-sdk (~> 3.2)
      net-sftp (~> 2.1, >= 2.1.2)
      net-ssh (= 4.2.0)
      rack (>= 2.2.13)
      rails (~> 6.1.7.8)

PATH
  remote: components/transport_profiles
  specs:
    transport_profiles (0.0.1)
      acapi
      mongoid (~> 7.5.4)
      rack (>= 2.2.13)
      rails (~> 6.1.7.8)
      rubyzip (>= 1.3.0)
      symmetric-encryption (~> 3.6.0)
      transport_gateway

PATH
  remote: project_gems/effective_datatables-2.6.14
  specs:
    effective_datatables (2.6.14)
      coffee-rails
      haml-rails
      kaminari
      rails (>= 3.2.0)
      sass-rails
      simple_form

PATH
  remote: project_gems/mongoid_userstamp-0.4.0
  specs:
    mongoid_userstamp (0.4.0)
      mongoid (>= 3.0.4)

GEM
  remote: https://rubygems.org/
  specs:
    Ascii85 (1.0.3)
    aasm (4.8.0)
    action_mailer_cache_delivery (0.3.7)
      actionmailer (>= 3.0)
    actioncable (6.1.7.10)
      actionpack (= 6.1.7.10)
      activesupport (= 6.1.7.10)
      nio4r (~> 2.0)
      websocket-driver (>= 0.6.1)
    actionmailbox (6.1.7.10)
      actionpack (= 6.1.7.10)
      activejob (= 6.1.7.10)
      activerecord (= 6.1.7.10)
      activestorage (= 6.1.7.10)
      activesupport (= 6.1.7.10)
      mail (>= 2.7.1)
    actionmailer (6.1.7.10)
      actionpack (= 6.1.7.10)
      actionview (= 6.1.7.10)
      activejob (= 6.1.7.10)
      activesupport (= 6.1.7.10)
      mail (~> 2.5, >= 2.5.4)
      rails-dom-testing (~> 2.0)
    actionpack (6.1.7.10)
      actionview (= 6.1.7.10)
      activesupport (= 6.1.7.10)
      rack (~> 2.0, >= 2.0.9)
      rack-test (>= 0.6.3)
      rails-dom-testing (~> 2.0)
      rails-html-sanitizer (~> 1.0, >= 1.2.0)
    actiontext (6.1.7.10)
      actionpack (= 6.1.7.10)
      activerecord (= 6.1.7.10)
      activestorage (= 6.1.7.10)
      activesupport (= 6.1.7.10)
      nokogiri (>= 1.8.5)
    actionview (6.1.7.10)
      activesupport (= 6.1.7.10)
      builder (~> 3.1)
      erubi (~> 1.4)
      rails-dom-testing (~> 2.0)
      rails-html-sanitizer (~> 1.1, >= 1.2.0)
    active_model_serializers (0.10.14)
      actionpack (>= 4.1)
      activemodel (>= 4.1)
      case_transform (>= 0.2)
      jsonapi-renderer (>= 0.1.1.beta1, < 0.3)
    activejob (6.1.7.10)
      activesupport (= 6.1.7.10)
      globalid (>= 0.3.6)
    activemodel (6.1.7.10)
      activesupport (= 6.1.7.10)
    activerecord (6.1.7.10)
      activemodel (= 6.1.7.10)
      activesupport (= 6.1.7.10)
    activestorage (6.1.7.10)
      actionpack (= 6.1.7.10)
      activejob (= 6.1.7.10)
      activerecord (= 6.1.7.10)
      activesupport (= 6.1.7.10)
      marcel (~> 1.0)
      mini_mime (>= 1.1.0)
    activesupport (6.1.7.10)
      concurrent-ruby (~> 1.0, >= 1.0.2)
      i18n (>= 1.6, < 2)
      minitest (>= 5.1)
      tzinfo (~> 2.0)
      zeitwerk (~> 2.3)
    addressable (2.8.0)
      public_suffix (>= 2.0.2, < 5.0)
    afm (0.2.2)
    amq-protocol (2.3.2)
    animate-rails (1.0.10)
      rails
    ast (2.4.2)
    aws-eventstream (1.3.0)
    aws-partitions (1.959.0)
    aws-sdk (3.2.0)
      aws-sdk-resources (~> 3)
    aws-sdk-accessanalyzer (1.54.0)
      aws-sdk-core (~> 3, >= 3.201.0)
      aws-sigv4 (~> 1.1)
    aws-sdk-account (1.28.0)
      aws-sdk-core (~> 3, >= 3.201.0)
      aws-sigv4 (~> 1.1)
    aws-sdk-acm (1.74.0)
      aws-sdk-core (~> 3, >= 3.201.0)
      aws-sigv4 (~> 1.5)
    aws-sdk-acmpca (1.76.0)
      aws-sdk-core (~> 3, >= 3.201.0)
      aws-sigv4 (~> 1.5)
    aws-sdk-amplify (1.65.0)
      aws-sdk-core (~> 3, >= 3.201.0)
      aws-sigv4 (~> 1.5)
    aws-sdk-amplifybackend (1.36.0)
      aws-sdk-core (~> 3, >= 3.201.0)
      aws-sigv4 (~> 1.1)
    aws-sdk-amplifyuibuilder (1.30.0)
      aws-sdk-core (~> 3, >= 3.201.0)
      aws-sigv4 (~> 1.1)
    aws-sdk-apigateway (1.101.0)
      aws-sdk-core (~> 3, >= 3.201.0)
      aws-sigv4 (~> 1.5)
    aws-sdk-apigatewaymanagementapi (1.48.0)
      aws-sdk-core (~> 3, >= 3.201.0)
      aws-sigv4 (~> 1.1)
    aws-sdk-apigatewayv2 (1.60.0)
      aws-sdk-core (~> 3, >= 3.201.0)
      aws-sigv4 (~> 1.1)
    aws-sdk-appconfig (1.51.0)
      aws-sdk-core (~> 3, >= 3.201.0)
      aws-sigv4 (~> 1.5)
    aws-sdk-appconfigdata (1.25.0)
      aws-sdk-core (~> 3, >= 3.201.0)
      aws-sigv4 (~> 1.1)
    aws-sdk-appfabric (1.14.0)
      aws-sdk-core (~> 3, >= 3.201.0)
      aws-sigv4 (~> 1.1)
    aws-sdk-appflow (1.62.0)
      aws-sdk-core (~> 3, >= 3.201.0)
      aws-sigv4 (~> 1.5)
    aws-sdk-appintegrationsservice (1.36.0)
      aws-sdk-core (~> 3, >= 3.201.0)
      aws-sigv4 (~> 1.5)
    aws-sdk-applicationautoscaling (1.90.0)
      aws-sdk-core (~> 3, >= 3.201.0)
      aws-sigv4 (~> 1.5)
    aws-sdk-applicationcostprofiler (1.28.0)
      aws-sdk-core (~> 3, >= 3.201.0)
      aws-sigv4 (~> 1.5)
    aws-sdk-applicationdiscoveryservice (1.71.0)
      aws-sdk-core (~> 3, >= 3.201.0)
      aws-sigv4 (~> 1.5)
    aws-sdk-applicationinsights (1.51.0)
      aws-sdk-core (~> 3, >= 3.201.0)
      aws-sigv4 (~> 1.5)
    aws-sdk-applicationsignals (1.4.0)
      aws-sdk-core (~> 3, >= 3.201.0)
      aws-sigv4 (~> 1.5)
    aws-sdk-appmesh (1.66.0)
      aws-sdk-core (~> 3, >= 3.201.0)
      aws-sigv4 (~> 1.1)
    aws-sdk-appregistry (1.39.0)
      aws-sdk-core (~> 3, >= 3.201.0)
      aws-sigv4 (~> 1.5)
    aws-sdk-apprunner (1.44.0)
      aws-sdk-core (~> 3, >= 3.201.0)
      aws-sigv4 (~> 1.5)
    aws-sdk-appstream (1.92.0)
      aws-sdk-core (~> 3, >= 3.201.0)
      aws-sigv4 (~> 1.5)
    aws-sdk-appsync (1.82.0)
      aws-sdk-core (~> 3, >= 3.201.0)
      aws-sigv4 (~> 1.5)
    aws-sdk-apptest (1.3.0)
      aws-sdk-core (~> 3, >= 3.201.0)
      aws-sigv4 (~> 1.5)
    aws-sdk-arczonalshift (1.19.0)
      aws-sdk-core (~> 3, >= 3.201.0)
      aws-sigv4 (~> 1.5)
    aws-sdk-artifact (1.7.0)
      aws-sdk-core (~> 3, >= 3.201.0)
      aws-sigv4 (~> 1.5)
    aws-sdk-athena (1.89.0)
      aws-sdk-core (~> 3, >= 3.201.0)
      aws-sigv4 (~> 1.5)
    aws-sdk-auditmanager (1.51.0)
      aws-sdk-core (~> 3, >= 3.201.0)
      aws-sigv4 (~> 1.5)
    aws-sdk-augmentedairuntime (1.42.0)
      aws-sdk-core (~> 3, >= 3.201.0)
      aws-sigv4 (~> 1.5)
    aws-sdk-autoscaling (1.113.0)
      aws-sdk-core (~> 3, >= 3.201.0)
      aws-sigv4 (~> 1.5)
    aws-sdk-autoscalingplans (1.59.0)
      aws-sdk-core (~> 3, >= 3.201.0)
      aws-sigv4 (~> 1.5)
    aws-sdk-b2bi (1.14.0)
      aws-sdk-core (~> 3, >= 3.201.0)
      aws-sigv4 (~> 1.5)
    aws-sdk-backup (1.73.0)
      aws-sdk-core (~> 3, >= 3.201.0)
      aws-sigv4 (~> 1.5)
    aws-sdk-backupgateway (1.24.0)
      aws-sdk-core (~> 3, >= 3.201.0)
      aws-sigv4 (~> 1.1)
    aws-sdk-batch (1.94.0)
      aws-sdk-core (~> 3, >= 3.201.0)
      aws-sigv4 (~> 1.5)
    aws-sdk-bcmdataexports (1.8.0)
      aws-sdk-core (~> 3, >= 3.201.0)
      aws-sigv4 (~> 1.1)
    aws-sdk-bedrock (1.13.0)
      aws-sdk-core (~> 3, >= 3.201.0)
      aws-sigv4 (~> 1.1)
    aws-sdk-bedrockagent (1.19.0)
      aws-sdk-core (~> 3, >= 3.201.0)
      aws-sigv4 (~> 1.1)
    aws-sdk-bedrockagentruntime (1.17.0)
      aws-sdk-core (~> 3, >= 3.201.0)
      aws-sigv4 (~> 1.1)
    aws-sdk-bedrockruntime (1.17.0)
      aws-sdk-core (~> 3, >= 3.201.0)
      aws-sigv4 (~> 1.5)
    aws-sdk-billingconductor (1.27.0)
      aws-sdk-core (~> 3, >= 3.201.0)
      aws-sigv4 (~> 1.1)
    aws-sdk-braket (1.40.0)
      aws-sdk-core (~> 3, >= 3.201.0)
      aws-sigv4 (~> 1.1)
    aws-sdk-budgets (1.71.0)
      aws-sdk-core (~> 3, >= 3.201.0)
      aws-sigv4 (~> 1.5)
    aws-sdk-chatbot (1.9.0)
      aws-sdk-core (~> 3, >= 3.201.0)
      aws-sigv4 (~> 1.5)
    aws-sdk-chime (1.89.0)
      aws-sdk-core (~> 3, >= 3.201.0)
      aws-sigv4 (~> 1.5)
    aws-sdk-chimesdkidentity (1.30.0)
      aws-sdk-core (~> 3, >= 3.201.0)
      aws-sigv4 (~> 1.5)
    aws-sdk-chimesdkmediapipelines (1.26.0)
      aws-sdk-core (~> 3, >= 3.201.0)
      aws-sigv4 (~> 1.5)
    aws-sdk-chimesdkmeetings (1.36.0)
      aws-sdk-core (~> 3, >= 3.201.0)
      aws-sigv4 (~> 1.5)
    aws-sdk-chimesdkmessaging (1.36.0)
      aws-sdk-core (~> 3, >= 3.201.0)
      aws-sigv4 (~> 1.5)
    aws-sdk-chimesdkvoice (1.26.0)
      aws-sdk-core (~> 3, >= 3.201.0)
      aws-sigv4 (~> 1.5)
    aws-sdk-cleanrooms (1.27.0)
      aws-sdk-core (~> 3, >= 3.201.0)
      aws-sigv4 (~> 1.5)
    aws-sdk-cleanroomsml (1.10.0)
      aws-sdk-core (~> 3, >= 3.201.0)
      aws-sigv4 (~> 1.5)
    aws-sdk-cloud9 (1.74.0)
      aws-sdk-core (~> 3, >= 3.201.0)
      aws-sigv4 (~> 1.5)
    aws-sdk-cloudcontrolapi (1.26.0)
      aws-sdk-core (~> 3, >= 3.201.0)
      aws-sigv4 (~> 1.1)
    aws-sdk-clouddirectory (1.61.0)
      aws-sdk-core (~> 3, >= 3.201.0)
      aws-sigv4 (~> 1.5)
    aws-sdk-cloudformation (1.114.0)
      aws-sdk-core (~> 3, >= 3.201.0)
      aws-sigv4 (~> 1.5)
    aws-sdk-cloudfront (1.96.0)
      aws-sdk-core (~> 3, >= 3.201.0)
      aws-sigv4 (~> 1.5)
    aws-sdk-cloudfrontkeyvaluestore (1.10.0)
      aws-sdk-core (~> 3, >= 3.201.0)
      aws-sigv4 (~> 1.1)
    aws-sdk-cloudhsm (1.58.0)
      aws-sdk-core (~> 3, >= 3.201.0)
      aws-sigv4 (~> 1.5)
    aws-sdk-cloudhsmv2 (1.62.0)
      aws-sdk-core (~> 3, >= 3.201.0)
      aws-sigv4 (~> 1.5)
    aws-sdk-cloudsearch (1.60.0)
      aws-sdk-core (~> 3, >= 3.201.0)
      aws-sigv4 (~> 1.5)
    aws-sdk-cloudsearchdomain (1.47.0)
      aws-sdk-core (~> 3, >= 3.201.0)
      aws-sigv4 (~> 1.5)
    aws-sdk-cloudtrail (1.85.0)
      aws-sdk-core (~> 3, >= 3.201.0)
      aws-sigv4 (~> 1.5)
    aws-sdk-cloudtraildata (1.16.0)
      aws-sdk-core (~> 3, >= 3.201.0)
      aws-sigv4 (~> 1.1)
    aws-sdk-cloudwatch (1.96.0)
      aws-sdk-core (~> 3, >= 3.201.0)
      aws-sigv4 (~> 1.5)
    aws-sdk-cloudwatchevents (1.77.0)
      aws-sdk-core (~> 3, >= 3.201.0)
      aws-sigv4 (~> 1.5)
    aws-sdk-cloudwatchevidently (1.28.0)
      aws-sdk-core (~> 3, >= 3.201.0)
      aws-sigv4 (~> 1.1)
    aws-sdk-cloudwatchlogs (1.87.0)
      aws-sdk-core (~> 3, >= 3.201.0)
      aws-sigv4 (~> 1.5)
    aws-sdk-cloudwatchrum (1.26.0)
      aws-sdk-core (~> 3, >= 3.201.0)
      aws-sigv4 (~> 1.1)
    aws-sdk-codeartifact (1.47.0)
      aws-sdk-core (~> 3, >= 3.201.0)
      aws-sigv4 (~> 1.5)
    aws-sdk-codebuild (1.122.0)
      aws-sdk-core (~> 3, >= 3.201.0)
      aws-sigv4 (~> 1.5)
    aws-sdk-codecatalyst (1.23.0)
      aws-sdk-core (~> 3, >= 3.201.0)
    aws-sdk-codecommit (1.72.0)
      aws-sdk-core (~> 3, >= 3.201.0)
      aws-sigv4 (~> 1.5)
    aws-sdk-codeconnections (1.7.0)
      aws-sdk-core (~> 3, >= 3.201.0)
      aws-sigv4 (~> 1.5)
    aws-sdk-codedeploy (1.72.0)
      aws-sdk-core (~> 3, >= 3.201.0)
      aws-sigv4 (~> 1.5)
    aws-sdk-codeguruprofiler (1.42.0)
      aws-sdk-core (~> 3, >= 3.201.0)
      aws-sigv4 (~> 1.1)
    aws-sdk-codegurureviewer (1.52.0)
      aws-sdk-core (~> 3, >= 3.201.0)
      aws-sigv4 (~> 1.5)
    aws-sdk-codegurusecurity (1.17.0)
      aws-sdk-core (~> 3, >= 3.201.0)
      aws-sigv4 (~> 1.1)
    aws-sdk-codepipeline (1.77.0)
      aws-sdk-core (~> 3, >= 3.201.0)
      aws-sigv4 (~> 1.5)
    aws-sdk-codestar (1.58.0)
      aws-sdk-core (~> 3, >= 3.201.0)
      aws-sigv4 (~> 1.5)
    aws-sdk-codestarconnections (1.48.0)
      aws-sdk-core (~> 3, >= 3.201.0)
      aws-sigv4 (~> 1.5)
    aws-sdk-codestarnotifications (1.39.0)
      aws-sdk-core (~> 3, >= 3.201.0)
      aws-sigv4 (~> 1.5)
    aws-sdk-cognitoidentity (1.60.0)
      aws-sdk-core (~> 3, >= 3.201.0)
      aws-sigv4 (~> 1.5)
    aws-sdk-cognitoidentityprovider (1.97.0)
      aws-sdk-core (~> 3, >= 3.201.0)
      aws-sigv4 (~> 1.5)
    aws-sdk-cognitosync (1.55.0)
      aws-sdk-core (~> 3, >= 3.201.0)
      aws-sigv4 (~> 1.5)
    aws-sdk-comprehend (1.87.0)
      aws-sdk-core (~> 3, >= 3.201.0)
      aws-sigv4 (~> 1.5)
    aws-sdk-comprehendmedical (1.57.0)
      aws-sdk-core (~> 3, >= 3.201.0)
      aws-sigv4 (~> 1.5)
    aws-sdk-computeoptimizer (1.61.0)
      aws-sdk-core (~> 3, >= 3.201.0)
      aws-sigv4 (~> 1.5)
    aws-sdk-configservice (1.113.0)
      aws-sdk-core (~> 3, >= 3.201.0)
      aws-sigv4 (~> 1.5)
    aws-sdk-connect (1.169.0)
      aws-sdk-core (~> 3, >= 3.201.0)
      aws-sigv4 (~> 1.5)
    aws-sdk-connectcampaignservice (1.21.0)
      aws-sdk-core (~> 3, >= 3.201.0)
      aws-sigv4 (~> 1.1)
    aws-sdk-connectcases (1.28.0)
      aws-sdk-core (~> 3, >= 3.201.0)
      aws-sigv4 (~> 1.1)
    aws-sdk-connectcontactlens (1.31.0)
      aws-sdk-core (~> 3, >= 3.201.0)
      aws-sigv4 (~> 1.5)
    aws-sdk-connectparticipant (1.49.0)
      aws-sdk-core (~> 3, >= 3.201.0)
      aws-sigv4 (~> 1.5)
    aws-sdk-connectwisdomservice (1.34.0)
      aws-sdk-core (~> 3, >= 3.201.0)
      aws-sigv4 (~> 1.1)
    aws-sdk-controlcatalog (1.6.0)
      aws-sdk-core (~> 3, >= 3.201.0)
      aws-sigv4 (~> 1.1)
    aws-sdk-controltower (1.26.0)
      aws-sdk-core (~> 3, >= 3.201.0)
      aws-sigv4 (~> 1.5)
    aws-sdk-core (3.201.3)
      aws-eventstream (~> 1, >= 1.3.0)
      aws-partitions (~> 1, >= 1.651.0)
      aws-sigv4 (~> 1.8)
      jmespath (~> 1, >= 1.6.1)
    aws-sdk-costandusagereportservice (1.61.0)
      aws-sdk-core (~> 3, >= 3.201.0)
      aws-sigv4 (~> 1.5)
    aws-sdk-costexplorer (1.105.0)
      aws-sdk-core (~> 3, >= 3.201.0)
      aws-sigv4 (~> 1.5)
    aws-sdk-costoptimizationhub (1.10.0)
      aws-sdk-core (~> 3, >= 3.201.0)
      aws-sigv4 (~> 1.5)
    aws-sdk-customerprofiles (1.47.0)
      aws-sdk-core (~> 3, >= 3.201.0)
      aws-sigv4 (~> 1.5)
    aws-sdk-databasemigrationservice (1.100.0)
      aws-sdk-core (~> 3, >= 3.201.0)
      aws-sigv4 (~> 1.5)
    aws-sdk-dataexchange (1.52.0)
      aws-sdk-core (~> 3, >= 3.201.0)
      aws-sigv4 (~> 1.1)
    aws-sdk-datapipeline (1.55.0)
      aws-sdk-core (~> 3, >= 3.201.0)
      aws-sigv4 (~> 1.5)
    aws-sdk-datasync (1.83.0)
      aws-sdk-core (~> 3, >= 3.201.0)
      aws-sigv4 (~> 1.5)
    aws-sdk-datazone (1.17.0)
      aws-sdk-core (~> 3, >= 3.201.0)
      aws-sigv4 (~> 1.1)
    aws-sdk-dax (1.58.0)
      aws-sdk-core (~> 3, >= 3.201.0)
      aws-sigv4 (~> 1.5)
    aws-sdk-deadline (1.7.0)
      aws-sdk-core (~> 3, >= 3.201.0)
      aws-sigv4 (~> 1.1)
    aws-sdk-detective (1.53.0)
      aws-sdk-core (~> 3, >= 3.201.0)
      aws-sigv4 (~> 1.5)
    aws-sdk-devicefarm (1.72.0)
      aws-sdk-core (~> 3, >= 3.201.0)
      aws-sigv4 (~> 1.5)
    aws-sdk-devopsguru (1.47.0)
      aws-sdk-core (~> 3, >= 3.201.0)
      aws-sigv4 (~> 1.5)
    aws-sdk-directconnect (1.77.0)
      aws-sdk-core (~> 3, >= 3.201.0)
      aws-sigv4 (~> 1.5)
    aws-sdk-directoryservice (1.70.0)
      aws-sdk-core (~> 3, >= 3.201.0)
      aws-sigv4 (~> 1.5)
    aws-sdk-dlm (1.75.0)
      aws-sdk-core (~> 3, >= 3.201.0)
      aws-sigv4 (~> 1.5)
    aws-sdk-docdb (1.70.0)
      aws-sdk-core (~> 3, >= 3.201.0)
      aws-sigv4 (~> 1.5)
    aws-sdk-docdbelastic (1.18.0)
      aws-sdk-core (~> 3, >= 3.201.0)
      aws-sigv4 (~> 1.1)
    aws-sdk-drs (1.36.0)
      aws-sdk-core (~> 3, >= 3.201.0)
      aws-sigv4 (~> 1.1)
    aws-sdk-dynamodb (1.118.0)
      aws-sdk-core (~> 3, >= 3.201.0)
      aws-sigv4 (~> 1.5)
    aws-sdk-dynamodbstreams (1.62.0)
      aws-sdk-core (~> 3, >= 3.201.0)
      aws-sigv4 (~> 1.5)
    aws-sdk-ebs (1.46.0)
      aws-sdk-core (~> 3, >= 3.201.0)
      aws-sigv4 (~> 1.5)
    aws-sdk-ec2 (1.467.0)
      aws-sdk-core (~> 3, >= 3.201.0)
      aws-sigv4 (~> 1.5)
    aws-sdk-ec2instanceconnect (1.45.0)
      aws-sdk-core (~> 3, >= 3.201.0)
      aws-sigv4 (~> 1.5)
    aws-sdk-ecr (1.79.0)
      aws-sdk-core (~> 3, >= 3.201.0)
      aws-sigv4 (~> 1.5)
    aws-sdk-ecrpublic (1.33.0)
      aws-sdk-core (~> 3, >= 3.201.0)
      aws-sigv4 (~> 1.5)
    aws-sdk-ecs (1.151.0)
      aws-sdk-core (~> 3, >= 3.201.0)
      aws-sigv4 (~> 1.5)
    aws-sdk-efs (1.79.0)
      aws-sdk-core (~> 3, >= 3.201.0)
      aws-sigv4 (~> 1.5)
    aws-sdk-eks (1.111.0)
      aws-sdk-core (~> 3, >= 3.201.0)
      aws-sigv4 (~> 1.5)
    aws-sdk-eksauth (1.8.0)
      aws-sdk-core (~> 3, >= 3.201.0)
      aws-sigv4 (~> 1.1)
    aws-sdk-elasticache (1.108.0)
      aws-sdk-core (~> 3, >= 3.201.0)
      aws-sigv4 (~> 1.5)
    aws-sdk-elasticbeanstalk (1.73.0)
      aws-sdk-core (~> 3, >= 3.201.0)
      aws-sigv4 (~> 1.5)
    aws-sdk-elasticinference (1.41.0)
      aws-sdk-core (~> 3, >= 3.201.0)
      aws-sigv4 (~> 1.5)
    aws-sdk-elasticloadbalancing (1.60.0)
      aws-sdk-core (~> 3, >= 3.201.0)
      aws-sigv4 (~> 1.5)
    aws-sdk-elasticloadbalancingv2 (1.109.0)
      aws-sdk-core (~> 3, >= 3.201.0)
      aws-sigv4 (~> 1.5)
    aws-sdk-elasticsearchservice (1.89.0)
      aws-sdk-core (~> 3, >= 3.201.0)
      aws-sigv4 (~> 1.5)
    aws-sdk-elastictranscoder (1.57.0)
      aws-sdk-core (~> 3, >= 3.201.0)
      aws-sigv4 (~> 1.5)
    aws-sdk-emr (1.92.0)
      aws-sdk-core (~> 3, >= 3.201.0)
      aws-sigv4 (~> 1.5)
    aws-sdk-emrcontainers (1.41.0)
      aws-sdk-core (~> 3, >= 3.201.0)
      aws-sigv4 (~> 1.5)
    aws-sdk-emrserverless (1.30.0)
      aws-sdk-core (~> 3, >= 3.201.0)
      aws-sigv4 (~> 1.1)
    aws-sdk-entityresolution (1.15.0)
      aws-sdk-core (~> 3, >= 3.201.0)
      aws-sigv4 (~> 1.5)
    aws-sdk-eventbridge (1.64.0)
      aws-sdk-core (~> 3, >= 3.201.0)
      aws-sigv4 (~> 1.5)
    aws-sdk-finspace (1.38.0)
      aws-sdk-core (~> 3, >= 3.201.0)
      aws-sigv4 (~> 1.5)
    aws-sdk-finspacedata (1.38.0)
      aws-sdk-core (~> 3, >= 3.201.0)
      aws-sigv4 (~> 1.5)
    aws-sdk-firehose (1.76.0)
      aws-sdk-core (~> 3, >= 3.201.0)
      aws-sigv4 (~> 1.5)
    aws-sdk-fis (1.34.0)
      aws-sdk-core (~> 3, >= 3.201.0)
      aws-sigv4 (~> 1.5)
    aws-sdk-fms (1.76.0)
      aws-sdk-core (~> 3, >= 3.201.0)
      aws-sigv4 (~> 1.5)
    aws-sdk-forecastqueryservice (1.41.0)
      aws-sdk-core (~> 3, >= 3.201.0)
      aws-sigv4 (~> 1.5)
    aws-sdk-forecastservice (1.58.0)
      aws-sdk-core (~> 3, >= 3.201.0)
      aws-sigv4 (~> 1.5)
    aws-sdk-frauddetector (1.57.0)
      aws-sdk-core (~> 3, >= 3.201.0)
      aws-sigv4 (~> 1.5)
    aws-sdk-freetier (1.8.0)
      aws-sdk-core (~> 3, >= 3.201.0)
      aws-sigv4 (~> 1.1)
    aws-sdk-fsx (1.94.0)
      aws-sdk-core (~> 3, >= 3.201.0)
      aws-sigv4 (~> 1.5)
    aws-sdk-gamelift (1.85.0)
      aws-sdk-core (~> 3, >= 3.201.0)
      aws-sigv4 (~> 1.5)
    aws-sdk-glacier (1.66.0)
      aws-sdk-core (~> 3, >= 3.201.0)
      aws-sigv4 (~> 1.5)
    aws-sdk-globalaccelerator (1.64.0)
      aws-sdk-core (~> 3, >= 3.201.0)
      aws-sigv4 (~> 1.5)
    aws-sdk-glue (1.185.0)
      aws-sdk-core (~> 3, >= 3.201.0)
      aws-sigv4 (~> 1.5)
    aws-sdk-gluedatabrew (1.42.0)
      aws-sdk-core (~> 3, >= 3.201.0)
      aws-sigv4 (~> 1.5)
    aws-sdk-greengrass (1.69.0)
      aws-sdk-core (~> 3, >= 3.201.0)
      aws-sigv4 (~> 1.1)
    aws-sdk-greengrassv2 (1.43.0)
      aws-sdk-core (~> 3, >= 3.201.0)
      aws-sigv4 (~> 1.5)
    aws-sdk-groundstation (1.52.0)
      aws-sdk-core (~> 3, >= 3.201.0)
      aws-sigv4 (~> 1.5)
    aws-sdk-guardduty (1.96.0)
      aws-sdk-core (~> 3, >= 3.201.0)
      aws-sigv4 (~> 1.5)
    aws-sdk-health (1.67.0)
      aws-sdk-core (~> 3, >= 3.201.0)
      aws-sigv4 (~> 1.5)
    aws-sdk-healthlake (1.33.0)
      aws-sdk-core (~> 3, >= 3.201.0)
      aws-sigv4 (~> 1.5)
    aws-sdk-iam (1.103.0)
      aws-sdk-core (~> 3, >= 3.201.0)
      aws-sigv4 (~> 1.5)
    aws-sdk-identitystore (1.40.0)
      aws-sdk-core (~> 3, >= 3.201.0)
      aws-sigv4 (~> 1.1)
    aws-sdk-imagebuilder (1.65.0)
      aws-sdk-core (~> 3, >= 3.201.0)
      aws-sigv4 (~> 1.5)
    aws-sdk-importexport (1.49.0)
      aws-sdk-core (~> 3, >= 3.201.0)
      aws-sigv2 (~> 1.0)
    aws-sdk-inspector (1.62.0)
      aws-sdk-core (~> 3, >= 3.201.0)
      aws-sigv4 (~> 1.5)
    aws-sdk-inspector2 (1.34.0)
      aws-sdk-core (~> 3, >= 3.201.0)
      aws-sigv4 (~> 1.1)
    aws-sdk-inspectorscan (1.9.0)
      aws-sdk-core (~> 3, >= 3.201.0)
      aws-sigv4 (~> 1.1)
    aws-sdk-internetmonitor (1.23.0)
      aws-sdk-core (~> 3, >= 3.201.0)
      aws-sigv4 (~> 1.1)
    aws-sdk-iot (1.128.0)
      aws-sdk-core (~> 3, >= 3.201.0)
      aws-sigv4 (~> 1.5)
    aws-sdk-iot1clickdevicesservice (1.55.0)
      aws-sdk-core (~> 3, >= 3.201.0)
      aws-sigv4 (~> 1.1)
    aws-sdk-iot1clickprojects (1.56.0)
      aws-sdk-core (~> 3, >= 3.201.0)
      aws-sigv4 (~> 1.5)
    aws-sdk-iotanalytics (1.68.0)
      aws-sdk-core (~> 3, >= 3.201.0)
      aws-sigv4 (~> 1.5)
    aws-sdk-iotdataplane (1.61.0)
      aws-sdk-core (~> 3, >= 3.201.0)
      aws-sigv4 (~> 1.5)
    aws-sdk-iotdeviceadvisor (1.36.0)
      aws-sdk-core (~> 3, >= 3.201.0)
      aws-sigv4 (~> 1.5)
    aws-sdk-iotevents (1.53.0)
      aws-sdk-core (~> 3, >= 3.201.0)
      aws-sigv4 (~> 1.5)
    aws-sdk-ioteventsdata (1.46.0)
      aws-sdk-core (~> 3, >= 3.201.0)
      aws-sigv4 (~> 1.5)
    aws-sdk-iotfleethub (1.31.0)
      aws-sdk-core (~> 3, >= 3.201.0)
      aws-sigv4 (~> 1.5)
    aws-sdk-iotfleetwise (1.28.0)
      aws-sdk-core (~> 3, >= 3.201.0)
      aws-sigv4 (~> 1.1)
    aws-sdk-iotjobsdataplane (1.55.0)
      aws-sdk-core (~> 3, >= 3.201.0)
      aws-sigv4 (~> 1.5)
    aws-sdk-iotsecuretunneling (1.40.0)
      aws-sdk-core (~> 3, >= 3.201.0)
      aws-sigv4 (~> 1.5)
    aws-sdk-iotsitewise (1.68.0)
      aws-sdk-core (~> 3, >= 3.201.0)
      aws-sigv4 (~> 1.5)
    aws-sdk-iotthingsgraph (1.43.0)
      aws-sdk-core (~> 3, >= 3.201.0)
      aws-sigv4 (~> 1.5)
    aws-sdk-iottwinmaker (1.28.0)
      aws-sdk-core (~> 3, >= 3.201.0)
      aws-sigv4 (~> 1.1)
    aws-sdk-iotwireless (1.53.0)
      aws-sdk-core (~> 3, >= 3.201.0)
      aws-sigv4 (~> 1.5)
    aws-sdk-ivs (1.53.0)
      aws-sdk-core (~> 3, >= 3.201.0)
      aws-sigv4 (~> 1.5)
    aws-sdk-ivschat (1.28.0)
      aws-sdk-core (~> 3, >= 3.201.0)
      aws-sigv4 (~> 1.5)
    aws-sdk-ivsrealtime (1.24.0)
      aws-sdk-core (~> 3, >= 3.201.0)
      aws-sigv4 (~> 1.1)
    aws-sdk-kafka (1.77.0)
      aws-sdk-core (~> 3, >= 3.201.0)
      aws-sigv4 (~> 1.1)
    aws-sdk-kafkaconnect (1.26.0)
      aws-sdk-core (~> 3, >= 3.201.0)
      aws-sigv4 (~> 1.1)
    aws-sdk-kendra (1.85.0)
      aws-sdk-core (~> 3, >= 3.201.0)
      aws-sigv4 (~> 1.5)
    aws-sdk-kendraranking (1.18.0)
      aws-sdk-core (~> 3, >= 3.201.0)
      aws-sigv4 (~> 1.5)
    aws-sdk-keyspaces (1.24.0)
      aws-sdk-core (~> 3, >= 3.201.0)
      aws-sigv4 (~> 1.1)
    aws-sdk-kinesis (1.62.0)
      aws-sdk-core (~> 3, >= 3.201.0)
      aws-sigv4 (~> 1.5)
    aws-sdk-kinesisanalytics (1.59.0)
      aws-sdk-core (~> 3, >= 3.201.0)
      aws-sigv4 (~> 1.5)
    aws-sdk-kinesisanalyticsv2 (1.62.0)
      aws-sdk-core (~> 3, >= 3.201.0)
      aws-sigv4 (~> 1.5)
    aws-sdk-kinesisvideo (1.67.0)
      aws-sdk-core (~> 3, >= 3.201.0)
      aws-sigv4 (~> 1.5)
    aws-sdk-kinesisvideoarchivedmedia (1.64.0)
      aws-sdk-core (~> 3, >= 3.201.0)
      aws-sigv4 (~> 1.5)
    aws-sdk-kinesisvideomedia (1.56.0)
      aws-sdk-core (~> 3, >= 3.201.0)
      aws-sigv4 (~> 1.5)
    aws-sdk-kinesisvideosignalingchannels (1.38.0)
      aws-sdk-core (~> 3, >= 3.201.0)
      aws-sigv4 (~> 1.5)
    aws-sdk-kinesisvideowebrtcstorage (1.18.0)
      aws-sdk-core (~> 3, >= 3.201.0)
      aws-sigv4 (~> 1.1)
    aws-sdk-kms (1.88.0)
      aws-sdk-core (~> 3, >= 3.201.0)
      aws-sigv4 (~> 1.5)
    aws-sdk-lakeformation (1.56.0)
      aws-sdk-core (~> 3, >= 3.201.0)
      aws-sigv4 (~> 1.5)
    aws-sdk-lambda (1.125.0)
      aws-sdk-core (~> 3, >= 3.201.0)
      aws-sigv4 (~> 1.5)
    aws-sdk-lambdapreview (1.49.0)
      aws-sdk-core (~> 3, >= 3.201.0)
      aws-sigv4 (~> 1.1)
    aws-sdk-launchwizard (1.10.0)
      aws-sdk-core (~> 3, >= 3.201.0)
      aws-sigv4 (~> 1.1)
    aws-sdk-lex (1.65.0)
      aws-sdk-core (~> 3, >= 3.201.0)
      aws-sigv4 (~> 1.5)
    aws-sdk-lexmodelbuildingservice (1.76.0)
      aws-sdk-core (~> 3, >= 3.201.0)
      aws-sigv4 (~> 1.5)
    aws-sdk-lexmodelsv2 (1.56.0)
      aws-sdk-core (~> 3, >= 3.201.0)
      aws-sigv4 (~> 1.5)
    aws-sdk-lexruntimev2 (1.38.0)
      aws-sdk-core (~> 3, >= 3.201.0)
      aws-sigv4 (~> 1.5)
    aws-sdk-licensemanager (1.60.0)
      aws-sdk-core (~> 3, >= 3.201.0)
      aws-sigv4 (~> 1.1)
    aws-sdk-licensemanagerlinuxsubscriptions (1.18.0)
      aws-sdk-core (~> 3, >= 3.201.0)
      aws-sigv4 (~> 1.5)
    aws-sdk-licensemanagerusersubscriptions (1.19.0)
      aws-sdk-core (~> 3, >= 3.201.0)
      aws-sigv4 (~> 1.1)
    aws-sdk-lightsail (1.96.0)
      aws-sdk-core (~> 3, >= 3.201.0)
      aws-sigv4 (~> 1.5)
    aws-sdk-locationservice (1.55.0)
      aws-sdk-core (~> 3, >= 3.201.0)
      aws-sigv4 (~> 1.1)
    aws-sdk-lookoutequipment (1.36.0)
      aws-sdk-core (~> 3, >= 3.201.0)
      aws-sigv4 (~> 1.5)
    aws-sdk-lookoutforvision (1.36.0)
      aws-sdk-core (~> 3, >= 3.201.0)
      aws-sigv4 (~> 1.5)
    aws-sdk-lookoutmetrics (1.41.0)
      aws-sdk-core (~> 3, >= 3.201.0)
      aws-sigv4 (~> 1.5)
    aws-sdk-machinelearning (1.57.0)
      aws-sdk-core (~> 3, >= 3.201.0)
      aws-sigv4 (~> 1.5)
    aws-sdk-macie2 (1.73.0)
      aws-sdk-core (~> 3, >= 3.201.0)
      aws-sigv4 (~> 1.5)
    aws-sdk-mailmanager (1.5.0)
      aws-sdk-core (~> 3, >= 3.201.0)
      aws-sigv4 (~> 1.1)
    aws-sdk-mainframemodernization (1.22.0)
      aws-sdk-core (~> 3, >= 3.201.0)
      aws-sigv4 (~> 1.1)
    aws-sdk-managedblockchain (1.57.0)
      aws-sdk-core (~> 3, >= 3.201.0)
      aws-sigv4 (~> 1.5)
    aws-sdk-managedblockchainquery (1.16.0)
      aws-sdk-core (~> 3, >= 3.201.0)
      aws-sigv4 (~> 1.1)
    aws-sdk-managedgrafana (1.33.0)
      aws-sdk-core (~> 3, >= 3.201.0)
      aws-sigv4 (~> 1.1)
    aws-sdk-marketplaceagreement (1.7.0)
      aws-sdk-core (~> 3, >= 3.201.0)
      aws-sigv4 (~> 1.1)
    aws-sdk-marketplacecatalog (1.47.0)
      aws-sdk-core (~> 3, >= 3.201.0)
      aws-sigv4 (~> 1.5)
    aws-sdk-marketplacecommerceanalytics (1.61.0)
      aws-sdk-core (~> 3, >= 3.201.0)
      aws-sigv4 (~> 1.5)
    aws-sdk-marketplacedeployment (1.7.0)
      aws-sdk-core (~> 3, >= 3.201.0)
      aws-sigv4 (~> 1.1)
    aws-sdk-marketplaceentitlementservice (1.56.0)
      aws-sdk-core (~> 3, >= 3.201.0)
      aws-sigv4 (~> 1.5)
    aws-sdk-marketplacemetering (1.63.0)
      aws-sdk-core (~> 3, >= 3.201.0)
      aws-sigv4 (~> 1.5)
    aws-sdk-mediaconnect (1.65.0)
      aws-sdk-core (~> 3, >= 3.201.0)
      aws-sigv4 (~> 1.5)
    aws-sdk-mediaconvert (1.134.0)
      aws-sdk-core (~> 3, >= 3.201.0)
      aws-sigv4 (~> 1.5)
    aws-sdk-medialive (1.127.0)
      aws-sdk-core (~> 3, >= 3.201.0)
      aws-sigv4 (~> 1.5)
    aws-sdk-mediapackage (1.76.0)
      aws-sdk-core (~> 3, >= 3.201.0)
      aws-sigv4 (~> 1.1)
    aws-sdk-mediapackagev2 (1.22.0)
      aws-sdk-core (~> 3, >= 3.201.0)
      aws-sigv4 (~> 1.1)
    aws-sdk-mediapackagevod (1.58.0)
      aws-sdk-core (~> 3, >= 3.201.0)
      aws-sigv4 (~> 1.1)
    aws-sdk-mediastore (1.60.0)
      aws-sdk-core (~> 3, >= 3.201.0)
      aws-sigv4 (~> 1.5)
    aws-sdk-mediastoredata (1.57.0)
      aws-sdk-core (~> 3, >= 3.201.0)
      aws-sigv4 (~> 1.5)
    aws-sdk-mediatailor (1.84.0)
      aws-sdk-core (~> 3, >= 3.201.0)
      aws-sigv4 (~> 1.1)
    aws-sdk-medicalimaging (1.15.0)
      aws-sdk-core (~> 3, >= 3.201.0)
      aws-sigv4 (~> 1.5)
    aws-sdk-memorydb (1.30.0)
      aws-sdk-core (~> 3, >= 3.201.0)
      aws-sigv4 (~> 1.5)
    aws-sdk-mgn (1.36.0)
      aws-sdk-core (~> 3, >= 3.201.0)
      aws-sigv4 (~> 1.1)
    aws-sdk-migrationhub (1.59.0)
      aws-sdk-core (~> 3, >= 3.201.0)
      aws-sigv4 (~> 1.5)
    aws-sdk-migrationhubconfig (1.40.0)
      aws-sdk-core (~> 3, >= 3.201.0)
      aws-sigv4 (~> 1.5)
    aws-sdk-migrationhuborchestrator (1.19.0)
      aws-sdk-core (~> 3, >= 3.201.0)
      aws-sigv4 (~> 1.1)
    aws-sdk-migrationhubrefactorspaces (1.28.0)
      aws-sdk-core (~> 3, >= 3.201.0)
      aws-sigv4 (~> 1.1)
    aws-sdk-migrationhubstrategyrecommendations (1.26.0)
      aws-sdk-core (~> 3, >= 3.201.0)
      aws-sigv4 (~> 1.1)
    aws-sdk-mq (1.66.0)
      aws-sdk-core (~> 3, >= 3.201.0)
      aws-sigv4 (~> 1.5)
    aws-sdk-mturk (1.59.0)
      aws-sdk-core (~> 3, >= 3.201.0)
      aws-sigv4 (~> 1.5)
    aws-sdk-mwaa (1.42.0)
      aws-sdk-core (~> 3, >= 3.201.0)
      aws-sigv4 (~> 1.1)
    aws-sdk-neptune (1.70.0)
      aws-sdk-core (~> 3, >= 3.201.0)
      aws-sigv4 (~> 1.5)
    aws-sdk-neptunedata (1.14.0)
      aws-sdk-core (~> 3, >= 3.201.0)
      aws-sigv4 (~> 1.1)
    aws-sdk-neptunegraph (1.14.0)
      aws-sdk-core (~> 3, >= 3.201.0)
      aws-sigv4 (~> 1.5)
    aws-sdk-networkfirewall (1.48.0)
      aws-sdk-core (~> 3, >= 3.201.0)
      aws-sigv4 (~> 1.5)
    aws-sdk-networkmanager (1.48.0)
      aws-sdk-core (~> 3, >= 3.201.0)
      aws-sigv4 (~> 1.5)
    aws-sdk-networkmonitor (1.8.0)
      aws-sdk-core (~> 3, >= 3.201.0)
      aws-sigv4 (~> 1.1)
    aws-sdk-nimblestudio (1.34.0)
      aws-sdk-core (~> 3, >= 3.201.0)
      aws-sigv4 (~> 1.1)
    aws-sdk-oam (1.20.0)
      aws-sdk-core (~> 3, >= 3.201.0)
      aws-sigv4 (~> 1.1)
    aws-sdk-omics (1.31.0)
      aws-sdk-core (~> 3, >= 3.201.0)
      aws-sigv4 (~> 1.1)
    aws-sdk-opensearchserverless (1.21.0)
      aws-sdk-core (~> 3, >= 3.201.0)
      aws-sigv4 (~> 1.1)
    aws-sdk-opensearchservice (1.50.0)
      aws-sdk-core (~> 3, >= 3.201.0)
      aws-sigv4 (~> 1.5)
    aws-sdk-opsworks (1.61.0)
      aws-sdk-core (~> 3, >= 3.201.0)
      aws-sigv4 (~> 1.5)
    aws-sdk-opsworkscm (1.71.0)
      aws-sdk-core (~> 3, >= 3.201.0)
      aws-sigv4 (~> 1.5)
    aws-sdk-organizations (1.95.0)
      aws-sdk-core (~> 3, >= 3.201.0)
      aws-sigv4 (~> 1.5)
    aws-sdk-osis (1.20.0)
      aws-sdk-core (~> 3, >= 3.201.0)
      aws-sigv4 (~> 1.5)
    aws-sdk-outposts (1.63.0)
      aws-sdk-core (~> 3, >= 3.201.0)
      aws-sigv4 (~> 1.5)
    aws-sdk-panorama (1.29.0)
      aws-sdk-core (~> 3, >= 3.201.0)
      aws-sigv4 (~> 1.1)
    aws-sdk-paymentcryptography (1.19.0)
      aws-sdk-core (~> 3, >= 3.201.0)
      aws-sigv4 (~> 1.5)
    aws-sdk-paymentcryptographydata (1.18.0)
      aws-sdk-core (~> 3, >= 3.201.0)
      aws-sigv4 (~> 1.5)
    aws-sdk-pcaconnectorad (1.10.0)
      aws-sdk-core (~> 3, >= 3.201.0)
      aws-sigv4 (~> 1.1)
    aws-sdk-pcaconnectorscep (1.3.0)
      aws-sdk-core (~> 3, >= 3.201.0)
      aws-sigv4 (~> 1.1)
    aws-sdk-personalize (1.68.0)
      aws-sdk-core (~> 3, >= 3.201.0)
      aws-sigv4 (~> 1.5)
    aws-sdk-personalizeevents (1.49.0)
      aws-sdk-core (~> 3, >= 3.201.0)
      aws-sigv4 (~> 1.5)
    aws-sdk-personalizeruntime (1.56.0)
      aws-sdk-core (~> 3, >= 3.201.0)
      aws-sigv4 (~> 1.5)
    aws-sdk-pi (1.62.0)
      aws-sdk-core (~> 3, >= 3.201.0)
      aws-sigv4 (~> 1.5)
    aws-sdk-pinpoint (1.95.0)
      aws-sdk-core (~> 3, >= 3.201.0)
      aws-sigv4 (~> 1.5)
    aws-sdk-pinpointemail (1.54.0)
      aws-sdk-core (~> 3, >= 3.201.0)
      aws-sigv4 (~> 1.5)
    aws-sdk-pinpointsmsvoice (1.50.0)
      aws-sdk-core (~> 3, >= 3.201.0)
      aws-sigv4 (~> 1.1)
    aws-sdk-pinpointsmsvoicev2 (1.21.0)
      aws-sdk-core (~> 3, >= 3.201.0)
      aws-sigv4 (~> 1.5)
    aws-sdk-pipes (1.24.0)
      aws-sdk-core (~> 3, >= 3.201.0)
      aws-sigv4 (~> 1.1)
    aws-sdk-polly (1.90.0)
      aws-sdk-core (~> 3, >= 3.201.0)
      aws-sigv4 (~> 1.5)
    aws-sdk-pricing (1.62.0)
      aws-sdk-core (~> 3, >= 3.201.0)
      aws-sigv4 (~> 1.1)
    aws-sdk-privatenetworks (1.20.0)
      aws-sdk-core (~> 3, >= 3.201.0)
      aws-sigv4 (~> 1.1)
    aws-sdk-prometheusservice (1.36.0)
      aws-sdk-core (~> 3, >= 3.201.0)
      aws-sigv4 (~> 1.1)
    aws-sdk-proton (1.41.0)
      aws-sdk-core (~> 3, >= 3.201.0)
      aws-sigv4 (~> 1.1)
    aws-sdk-qapps (1.0.0)
      aws-sdk-core (~> 3, >= 3.201.0)
      aws-sigv4 (~> 1.5)
    aws-sdk-qbusiness (1.11.0)
      aws-sdk-core (~> 3, >= 3.201.0)
      aws-sigv4 (~> 1.5)
    aws-sdk-qconnect (1.14.0)
      aws-sdk-core (~> 3, >= 3.201.0)
      aws-sigv4 (~> 1.1)
    aws-sdk-qldb (1.45.0)
      aws-sdk-core (~> 3, >= 3.201.0)
      aws-sigv4 (~> 1.5)
    aws-sdk-qldbsession (1.41.0)
      aws-sdk-core (~> 3, >= 3.201.0)
      aws-sigv4 (~> 1.5)
    aws-sdk-quicksight (1.119.0)
      aws-sdk-core (~> 3, >= 3.201.0)
      aws-sigv4 (~> 1.5)
    aws-sdk-ram (1.60.0)
      aws-sdk-core (~> 3, >= 3.201.0)
      aws-sigv4 (~> 1.5)
    aws-sdk-rds (1.240.0)
      aws-sdk-core (~> 3, >= 3.201.0)
      aws-sigv4 (~> 1.5)
    aws-sdk-rdsdataservice (1.57.0)
      aws-sdk-core (~> 3, >= 3.201.0)
      aws-sigv4 (~> 1.1)
    aws-sdk-recyclebin (1.26.0)
      aws-sdk-core (~> 3, >= 3.201.0)
      aws-sigv4 (~> 1.5)
    aws-sdk-redshift (1.119.0)
      aws-sdk-core (~> 3, >= 3.201.0)
      aws-sigv4 (~> 1.5)
    aws-sdk-redshiftdataapiservice (1.41.0)
      aws-sdk-core (~> 3, >= 3.201.0)
      aws-sigv4 (~> 1.1)
    aws-sdk-redshiftserverless (1.33.0)
      aws-sdk-core (~> 3, >= 3.201.0)
      aws-sigv4 (~> 1.1)
    aws-sdk-rekognition (1.102.0)
      aws-sdk-core (~> 3, >= 3.201.0)
      aws-sigv4 (~> 1.5)
    aws-sdk-repostspace (1.8.0)
      aws-sdk-core (~> 3, >= 3.201.0)
      aws-sigv4 (~> 1.1)
    aws-sdk-resiliencehub (1.32.0)
      aws-sdk-core (~> 3, >= 3.201.0)
      aws-sigv4 (~> 1.1)
    aws-sdk-resourceexplorer2 (1.22.0)
      aws-sdk-core (~> 3, >= 3.201.0)
      aws-sigv4 (~> 1.1)
    aws-sdk-resourcegroups (1.66.0)
      aws-sdk-core (~> 3, >= 3.201.0)
      aws-sigv4 (~> 1.5)
    aws-sdk-resourcegroupstaggingapi (1.66.0)
      aws-sdk-core (~> 3, >= 3.201.0)
      aws-sigv4 (~> 1.5)
    aws-sdk-resources (3.199.0)
      aws-sdk-accessanalyzer (~> 1)
      aws-sdk-account (~> 1)
      aws-sdk-acm (~> 1)
      aws-sdk-acmpca (~> 1)
      aws-sdk-amplify (~> 1)
      aws-sdk-amplifybackend (~> 1)
      aws-sdk-amplifyuibuilder (~> 1)
      aws-sdk-apigateway (~> 1)
      aws-sdk-apigatewaymanagementapi (~> 1)
      aws-sdk-apigatewayv2 (~> 1)
      aws-sdk-appconfig (~> 1)
      aws-sdk-appconfigdata (~> 1)
      aws-sdk-appfabric (~> 1)
      aws-sdk-appflow (~> 1)
      aws-sdk-appintegrationsservice (~> 1)
      aws-sdk-applicationautoscaling (~> 1)
      aws-sdk-applicationcostprofiler (~> 1)
      aws-sdk-applicationdiscoveryservice (~> 1)
      aws-sdk-applicationinsights (~> 1)
      aws-sdk-applicationsignals (~> 1)
      aws-sdk-appmesh (~> 1)
      aws-sdk-appregistry (~> 1)
      aws-sdk-apprunner (~> 1)
      aws-sdk-appstream (~> 1)
      aws-sdk-appsync (~> 1)
      aws-sdk-apptest (~> 1)
      aws-sdk-arczonalshift (~> 1)
      aws-sdk-artifact (~> 1)
      aws-sdk-athena (~> 1)
      aws-sdk-auditmanager (~> 1)
      aws-sdk-augmentedairuntime (~> 1)
      aws-sdk-autoscaling (~> 1)
      aws-sdk-autoscalingplans (~> 1)
      aws-sdk-b2bi (~> 1)
      aws-sdk-backup (~> 1)
      aws-sdk-backupgateway (~> 1)
      aws-sdk-batch (~> 1)
      aws-sdk-bcmdataexports (~> 1)
      aws-sdk-bedrock (~> 1)
      aws-sdk-bedrockagent (~> 1)
      aws-sdk-bedrockagentruntime (~> 1)
      aws-sdk-bedrockruntime (~> 1)
      aws-sdk-billingconductor (~> 1)
      aws-sdk-braket (~> 1)
      aws-sdk-budgets (~> 1)
      aws-sdk-chatbot (~> 1)
      aws-sdk-chime (~> 1)
      aws-sdk-chimesdkidentity (~> 1)
      aws-sdk-chimesdkmediapipelines (~> 1)
      aws-sdk-chimesdkmeetings (~> 1)
      aws-sdk-chimesdkmessaging (~> 1)
      aws-sdk-chimesdkvoice (~> 1)
      aws-sdk-cleanrooms (~> 1)
      aws-sdk-cleanroomsml (~> 1)
      aws-sdk-cloud9 (~> 1)
      aws-sdk-cloudcontrolapi (~> 1)
      aws-sdk-clouddirectory (~> 1)
      aws-sdk-cloudformation (~> 1)
      aws-sdk-cloudfront (~> 1)
      aws-sdk-cloudfrontkeyvaluestore (~> 1)
      aws-sdk-cloudhsm (~> 1)
      aws-sdk-cloudhsmv2 (~> 1)
      aws-sdk-cloudsearch (~> 1)
      aws-sdk-cloudsearchdomain (~> 1)
      aws-sdk-cloudtrail (~> 1)
      aws-sdk-cloudtraildata (~> 1)
      aws-sdk-cloudwatch (~> 1)
      aws-sdk-cloudwatchevents (~> 1)
      aws-sdk-cloudwatchevidently (~> 1)
      aws-sdk-cloudwatchlogs (~> 1)
      aws-sdk-cloudwatchrum (~> 1)
      aws-sdk-codeartifact (~> 1)
      aws-sdk-codebuild (~> 1)
      aws-sdk-codecatalyst (~> 1)
      aws-sdk-codecommit (~> 1)
      aws-sdk-codeconnections (~> 1)
      aws-sdk-codedeploy (~> 1)
      aws-sdk-codeguruprofiler (~> 1)
      aws-sdk-codegurureviewer (~> 1)
      aws-sdk-codegurusecurity (~> 1)
      aws-sdk-codepipeline (~> 1)
      aws-sdk-codestar (~> 1)
      aws-sdk-codestarconnections (~> 1)
      aws-sdk-codestarnotifications (~> 1)
      aws-sdk-cognitoidentity (~> 1)
      aws-sdk-cognitoidentityprovider (~> 1)
      aws-sdk-cognitosync (~> 1)
      aws-sdk-comprehend (~> 1)
      aws-sdk-comprehendmedical (~> 1)
      aws-sdk-computeoptimizer (~> 1)
      aws-sdk-configservice (~> 1)
      aws-sdk-connect (~> 1)
      aws-sdk-connectcampaignservice (~> 1)
      aws-sdk-connectcases (~> 1)
      aws-sdk-connectcontactlens (~> 1)
      aws-sdk-connectparticipant (~> 1)
      aws-sdk-connectwisdomservice (~> 1)
      aws-sdk-controlcatalog (~> 1)
      aws-sdk-controltower (~> 1)
      aws-sdk-costandusagereportservice (~> 1)
      aws-sdk-costexplorer (~> 1)
      aws-sdk-costoptimizationhub (~> 1)
      aws-sdk-customerprofiles (~> 1)
      aws-sdk-databasemigrationservice (~> 1)
      aws-sdk-dataexchange (~> 1)
      aws-sdk-datapipeline (~> 1)
      aws-sdk-datasync (~> 1)
      aws-sdk-datazone (~> 1)
      aws-sdk-dax (~> 1)
      aws-sdk-deadline (~> 1)
      aws-sdk-detective (~> 1)
      aws-sdk-devicefarm (~> 1)
      aws-sdk-devopsguru (~> 1)
      aws-sdk-directconnect (~> 1)
      aws-sdk-directoryservice (~> 1)
      aws-sdk-dlm (~> 1)
      aws-sdk-docdb (~> 1)
      aws-sdk-docdbelastic (~> 1)
      aws-sdk-drs (~> 1)
      aws-sdk-dynamodb (~> 1)
      aws-sdk-dynamodbstreams (~> 1)
      aws-sdk-ebs (~> 1)
      aws-sdk-ec2 (~> 1)
      aws-sdk-ec2instanceconnect (~> 1)
      aws-sdk-ecr (~> 1)
      aws-sdk-ecrpublic (~> 1)
      aws-sdk-ecs (~> 1)
      aws-sdk-efs (~> 1)
      aws-sdk-eks (~> 1)
      aws-sdk-eksauth (~> 1)
      aws-sdk-elasticache (~> 1)
      aws-sdk-elasticbeanstalk (~> 1)
      aws-sdk-elasticinference (~> 1)
      aws-sdk-elasticloadbalancing (~> 1)
      aws-sdk-elasticloadbalancingv2 (~> 1)
      aws-sdk-elasticsearchservice (~> 1)
      aws-sdk-elastictranscoder (~> 1)
      aws-sdk-emr (~> 1)
      aws-sdk-emrcontainers (~> 1)
      aws-sdk-emrserverless (~> 1)
      aws-sdk-entityresolution (~> 1)
      aws-sdk-eventbridge (~> 1)
      aws-sdk-finspace (~> 1)
      aws-sdk-finspacedata (~> 1)
      aws-sdk-firehose (~> 1)
      aws-sdk-fis (~> 1)
      aws-sdk-fms (~> 1)
      aws-sdk-forecastqueryservice (~> 1)
      aws-sdk-forecastservice (~> 1)
      aws-sdk-frauddetector (~> 1)
      aws-sdk-freetier (~> 1)
      aws-sdk-fsx (~> 1)
      aws-sdk-gamelift (~> 1)
      aws-sdk-glacier (~> 1)
      aws-sdk-globalaccelerator (~> 1)
      aws-sdk-glue (~> 1)
      aws-sdk-gluedatabrew (~> 1)
      aws-sdk-greengrass (~> 1)
      aws-sdk-greengrassv2 (~> 1)
      aws-sdk-groundstation (~> 1)
      aws-sdk-guardduty (~> 1)
      aws-sdk-health (~> 1)
      aws-sdk-healthlake (~> 1)
      aws-sdk-iam (~> 1)
      aws-sdk-identitystore (~> 1)
      aws-sdk-imagebuilder (~> 1)
      aws-sdk-importexport (~> 1)
      aws-sdk-inspector (~> 1)
      aws-sdk-inspector2 (~> 1)
      aws-sdk-inspectorscan (~> 1)
      aws-sdk-internetmonitor (~> 1)
      aws-sdk-iot (~> 1)
      aws-sdk-iot1clickdevicesservice (~> 1)
      aws-sdk-iot1clickprojects (~> 1)
      aws-sdk-iotanalytics (~> 1)
      aws-sdk-iotdataplane (~> 1)
      aws-sdk-iotdeviceadvisor (~> 1)
      aws-sdk-iotevents (~> 1)
      aws-sdk-ioteventsdata (~> 1)
      aws-sdk-iotfleethub (~> 1)
      aws-sdk-iotfleetwise (~> 1)
      aws-sdk-iotjobsdataplane (~> 1)
      aws-sdk-iotsecuretunneling (~> 1)
      aws-sdk-iotsitewise (~> 1)
      aws-sdk-iotthingsgraph (~> 1)
      aws-sdk-iottwinmaker (~> 1)
      aws-sdk-iotwireless (~> 1)
      aws-sdk-ivs (~> 1)
      aws-sdk-ivschat (~> 1)
      aws-sdk-ivsrealtime (~> 1)
      aws-sdk-kafka (~> 1)
      aws-sdk-kafkaconnect (~> 1)
      aws-sdk-kendra (~> 1)
      aws-sdk-kendraranking (~> 1)
      aws-sdk-keyspaces (~> 1)
      aws-sdk-kinesis (~> 1)
      aws-sdk-kinesisanalytics (~> 1)
      aws-sdk-kinesisanalyticsv2 (~> 1)
      aws-sdk-kinesisvideo (~> 1)
      aws-sdk-kinesisvideoarchivedmedia (~> 1)
      aws-sdk-kinesisvideomedia (~> 1)
      aws-sdk-kinesisvideosignalingchannels (~> 1)
      aws-sdk-kinesisvideowebrtcstorage (~> 1)
      aws-sdk-kms (~> 1)
      aws-sdk-lakeformation (~> 1)
      aws-sdk-lambda (~> 1)
      aws-sdk-lambdapreview (~> 1)
      aws-sdk-launchwizard (~> 1)
      aws-sdk-lex (~> 1)
      aws-sdk-lexmodelbuildingservice (~> 1)
      aws-sdk-lexmodelsv2 (~> 1)
      aws-sdk-lexruntimev2 (~> 1)
      aws-sdk-licensemanager (~> 1)
      aws-sdk-licensemanagerlinuxsubscriptions (~> 1)
      aws-sdk-licensemanagerusersubscriptions (~> 1)
      aws-sdk-lightsail (~> 1)
      aws-sdk-locationservice (~> 1)
      aws-sdk-lookoutequipment (~> 1)
      aws-sdk-lookoutforvision (~> 1)
      aws-sdk-lookoutmetrics (~> 1)
      aws-sdk-machinelearning (~> 1)
      aws-sdk-macie2 (~> 1)
      aws-sdk-mailmanager (~> 1)
      aws-sdk-mainframemodernization (~> 1)
      aws-sdk-managedblockchain (~> 1)
      aws-sdk-managedblockchainquery (~> 1)
      aws-sdk-managedgrafana (~> 1)
      aws-sdk-marketplaceagreement (~> 1)
      aws-sdk-marketplacecatalog (~> 1)
      aws-sdk-marketplacecommerceanalytics (~> 1)
      aws-sdk-marketplacedeployment (~> 1)
      aws-sdk-marketplaceentitlementservice (~> 1)
      aws-sdk-marketplacemetering (~> 1)
      aws-sdk-mediaconnect (~> 1)
      aws-sdk-mediaconvert (~> 1)
      aws-sdk-medialive (~> 1)
      aws-sdk-mediapackage (~> 1)
      aws-sdk-mediapackagev2 (~> 1)
      aws-sdk-mediapackagevod (~> 1)
      aws-sdk-mediastore (~> 1)
      aws-sdk-mediastoredata (~> 1)
      aws-sdk-mediatailor (~> 1)
      aws-sdk-medicalimaging (~> 1)
      aws-sdk-memorydb (~> 1)
      aws-sdk-mgn (~> 1)
      aws-sdk-migrationhub (~> 1)
      aws-sdk-migrationhubconfig (~> 1)
      aws-sdk-migrationhuborchestrator (~> 1)
      aws-sdk-migrationhubrefactorspaces (~> 1)
      aws-sdk-migrationhubstrategyrecommendations (~> 1)
      aws-sdk-mq (~> 1)
      aws-sdk-mturk (~> 1)
      aws-sdk-mwaa (~> 1)
      aws-sdk-neptune (~> 1)
      aws-sdk-neptunedata (~> 1)
      aws-sdk-neptunegraph (~> 1)
      aws-sdk-networkfirewall (~> 1)
      aws-sdk-networkmanager (~> 1)
      aws-sdk-networkmonitor (~> 1)
      aws-sdk-nimblestudio (~> 1)
      aws-sdk-oam (~> 1)
      aws-sdk-omics (~> 1)
      aws-sdk-opensearchserverless (~> 1)
      aws-sdk-opensearchservice (~> 1)
      aws-sdk-opsworks (~> 1)
      aws-sdk-opsworkscm (~> 1)
      aws-sdk-organizations (~> 1)
      aws-sdk-osis (~> 1)
      aws-sdk-outposts (~> 1)
      aws-sdk-panorama (~> 1)
      aws-sdk-paymentcryptography (~> 1)
      aws-sdk-paymentcryptographydata (~> 1)
      aws-sdk-pcaconnectorad (~> 1)
      aws-sdk-pcaconnectorscep (~> 1)
      aws-sdk-personalize (~> 1)
      aws-sdk-personalizeevents (~> 1)
      aws-sdk-personalizeruntime (~> 1)
      aws-sdk-pi (~> 1)
      aws-sdk-pinpoint (~> 1)
      aws-sdk-pinpointemail (~> 1)
      aws-sdk-pinpointsmsvoice (~> 1)
      aws-sdk-pinpointsmsvoicev2 (~> 1)
      aws-sdk-pipes (~> 1)
      aws-sdk-polly (~> 1)
      aws-sdk-pricing (~> 1)
      aws-sdk-privatenetworks (~> 1)
      aws-sdk-prometheusservice (~> 1)
      aws-sdk-proton (~> 1)
      aws-sdk-qapps (~> 1)
      aws-sdk-qbusiness (~> 1)
      aws-sdk-qconnect (~> 1)
      aws-sdk-qldb (~> 1)
      aws-sdk-qldbsession (~> 1)
      aws-sdk-quicksight (~> 1)
      aws-sdk-ram (~> 1)
      aws-sdk-rds (~> 1)
      aws-sdk-rdsdataservice (~> 1)
      aws-sdk-recyclebin (~> 1)
      aws-sdk-redshift (~> 1)
      aws-sdk-redshiftdataapiservice (~> 1)
      aws-sdk-redshiftserverless (~> 1)
      aws-sdk-rekognition (~> 1)
      aws-sdk-repostspace (~> 1)
      aws-sdk-resiliencehub (~> 1)
      aws-sdk-resourceexplorer2 (~> 1)
      aws-sdk-resourcegroups (~> 1)
      aws-sdk-resourcegroupstaggingapi (~> 1)
      aws-sdk-robomaker (~> 1)
      aws-sdk-rolesanywhere (~> 1)
      aws-sdk-route53 (~> 1)
      aws-sdk-route53domains (~> 1)
      aws-sdk-route53profiles (~> 1)
      aws-sdk-route53recoverycluster (~> 1)
      aws-sdk-route53recoverycontrolconfig (~> 1)
      aws-sdk-route53recoveryreadiness (~> 1)
      aws-sdk-route53resolver (~> 1)
      aws-sdk-s3 (~> 1)
      aws-sdk-s3control (~> 1)
      aws-sdk-s3outposts (~> 1)
      aws-sdk-sagemaker (~> 1)
      aws-sdk-sagemakeredgemanager (~> 1)
      aws-sdk-sagemakerfeaturestoreruntime (~> 1)
      aws-sdk-sagemakergeospatial (~> 1)
      aws-sdk-sagemakermetrics (~> 1)
      aws-sdk-sagemakerruntime (~> 1)
      aws-sdk-savingsplans (~> 1)
      aws-sdk-scheduler (~> 1)
      aws-sdk-schemas (~> 1)
      aws-sdk-secretsmanager (~> 1)
      aws-sdk-securityhub (~> 1)
      aws-sdk-securitylake (~> 1)
      aws-sdk-serverlessapplicationrepository (~> 1)
      aws-sdk-servicecatalog (~> 1)
      aws-sdk-servicediscovery (~> 1)
      aws-sdk-servicequotas (~> 1)
      aws-sdk-ses (~> 1)
      aws-sdk-sesv2 (~> 1)
      aws-sdk-shield (~> 1)
      aws-sdk-signer (~> 1)
      aws-sdk-simpledb (~> 1)
      aws-sdk-simspaceweaver (~> 1)
      aws-sdk-sms (~> 1)
      aws-sdk-snowball (~> 1)
      aws-sdk-snowdevicemanagement (~> 1)
      aws-sdk-sns (~> 1)
      aws-sdk-sqs (~> 1)
      aws-sdk-ssm (~> 1)
      aws-sdk-ssmcontacts (~> 1)
      aws-sdk-ssmincidents (~> 1)
      aws-sdk-ssmsap (~> 1)
      aws-sdk-ssoadmin (~> 1)
      aws-sdk-states (~> 1)
      aws-sdk-storagegateway (~> 1)
      aws-sdk-supplychain (~> 1)
      aws-sdk-support (~> 1)
      aws-sdk-supportapp (~> 1)
      aws-sdk-swf (~> 1)
      aws-sdk-synthetics (~> 1)
      aws-sdk-taxsettings (~> 1)
      aws-sdk-textract (~> 1)
      aws-sdk-timestreaminfluxdb (~> 1)
      aws-sdk-timestreamquery (~> 1)
      aws-sdk-timestreamwrite (~> 1)
      aws-sdk-tnb (~> 1)
      aws-sdk-transcribeservice (~> 1)
      aws-sdk-transcribestreamingservice (~> 1)
      aws-sdk-transfer (~> 1)
      aws-sdk-translate (~> 1)
      aws-sdk-trustedadvisor (~> 1)
      aws-sdk-verifiedpermissions (~> 1)
      aws-sdk-voiceid (~> 1)
      aws-sdk-vpclattice (~> 1)
      aws-sdk-waf (~> 1)
      aws-sdk-wafregional (~> 1)
      aws-sdk-wafv2 (~> 1)
      aws-sdk-wellarchitected (~> 1)
      aws-sdk-workdocs (~> 1)
      aws-sdk-worklink (~> 1)
      aws-sdk-workmail (~> 1)
      aws-sdk-workmailmessageflow (~> 1)
      aws-sdk-workspaces (~> 1)
      aws-sdk-workspacesthinclient (~> 1)
      aws-sdk-workspacesweb (~> 1)
      aws-sdk-xray (~> 1)
    aws-sdk-robomaker (1.70.0)
      aws-sdk-core (~> 3, >= 3.201.0)
      aws-sigv4 (~> 1.5)
    aws-sdk-rolesanywhere (1.22.0)
      aws-sdk-core (~> 3, >= 3.201.0)
      aws-sigv4 (~> 1.1)
    aws-sdk-route53 (1.94.0)
      aws-sdk-core (~> 3, >= 3.201.0)
      aws-sigv4 (~> 1.5)
    aws-sdk-route53domains (1.63.0)
      aws-sdk-core (~> 3, >= 3.201.0)
      aws-sigv4 (~> 1.5)
    aws-sdk-route53profiles (1.7.0)
      aws-sdk-core (~> 3, >= 3.201.0)
      aws-sigv4 (~> 1.1)
    aws-sdk-route53recoverycluster (1.31.0)
      aws-sdk-core (~> 3, >= 3.201.0)
      aws-sigv4 (~> 1.5)
    aws-sdk-route53recoverycontrolconfig (1.30.0)
      aws-sdk-core (~> 3, >= 3.201.0)
      aws-sigv4 (~> 1.1)
    aws-sdk-route53recoveryreadiness (1.28.0)
      aws-sdk-core (~> 3, >= 3.201.0)
      aws-sigv4 (~> 1.1)
    aws-sdk-route53resolver (1.64.0)
      aws-sdk-core (~> 3, >= 3.201.0)
      aws-sigv4 (~> 1.5)
    aws-sdk-s3 (1.156.0)
      aws-sdk-core (~> 3, >= 3.201.0)
      aws-sdk-kms (~> 1)
      aws-sigv4 (~> 1.5)
    aws-sdk-s3control (1.87.0)
      aws-sdk-core (~> 3, >= 3.201.0)
      aws-sigv4 (~> 1.5)
    aws-sdk-s3outposts (1.35.0)
      aws-sdk-core (~> 3, >= 3.201.0)
      aws-sigv4 (~> 1.5)
    aws-sdk-sagemaker (1.254.0)
      aws-sdk-core (~> 3, >= 3.201.0)
      aws-sigv4 (~> 1.5)
    aws-sdk-sagemakeredgemanager (1.31.0)
      aws-sdk-core (~> 3, >= 3.201.0)
      aws-sigv4 (~> 1.5)
    aws-sdk-sagemakerfeaturestoreruntime (1.36.0)
      aws-sdk-core (~> 3, >= 3.201.0)
      aws-sigv4 (~> 1.5)
    aws-sdk-sagemakergeospatial (1.19.0)
      aws-sdk-core (~> 3, >= 3.201.0)
      aws-sigv4 (~> 1.1)
    aws-sdk-sagemakermetrics (1.19.0)
      aws-sdk-core (~> 3, >= 3.201.0)
      aws-sigv4 (~> 1.5)
    aws-sdk-sagemakerruntime (1.68.0)
      aws-sdk-core (~> 3, >= 3.201.0)
      aws-sigv4 (~> 1.5)
    aws-sdk-savingsplans (1.46.0)
      aws-sdk-core (~> 3, >= 3.201.0)
      aws-sigv4 (~> 1.5)
    aws-sdk-scheduler (1.19.0)
      aws-sdk-core (~> 3, >= 3.201.0)
      aws-sigv4 (~> 1.1)
    aws-sdk-schemas (1.41.0)
      aws-sdk-core (~> 3, >= 3.201.0)
      aws-sigv4 (~> 1.1)
    aws-sdk-secretsmanager (1.102.0)
      aws-sdk-core (~> 3, >= 3.201.0)
      aws-sigv4 (~> 1.5)
    aws-sdk-securityhub (1.113.0)
      aws-sdk-core (~> 3, >= 3.201.0)
      aws-sigv4 (~> 1.5)
    aws-sdk-securitylake (1.24.0)
      aws-sdk-core (~> 3, >= 3.201.0)
      aws-sigv4 (~> 1.5)
    aws-sdk-serverlessapplicationrepository (1.62.0)
      aws-sdk-core (~> 3, >= 3.201.0)
      aws-sigv4 (~> 1.1)
    aws-sdk-servicecatalog (1.99.0)
      aws-sdk-core (~> 3, >= 3.201.0)
      aws-sigv4 (~> 1.5)
    aws-sdk-servicediscovery (1.69.0)
      aws-sdk-core (~> 3, >= 3.201.0)
      aws-sigv4 (~> 1.5)
    aws-sdk-servicequotas (1.42.0)
      aws-sdk-core (~> 3, >= 3.201.0)
      aws-sigv4 (~> 1.5)
    aws-sdk-ses (1.68.0)
      aws-sdk-core (~> 3, >= 3.201.0)
      aws-sigv4 (~> 1.5)
    aws-sdk-sesv2 (1.55.0)
      aws-sdk-core (~> 3, >= 3.201.0)
      aws-sigv4 (~> 1.5)
    aws-sdk-shield (1.68.0)
      aws-sdk-core (~> 3, >= 3.201.0)
      aws-sigv4 (~> 1.5)
    aws-sdk-signer (1.59.0)
      aws-sdk-core (~> 3, >= 3.201.0)
      aws-sigv4 (~> 1.5)
    aws-sdk-simpledb (1.51.0)
      aws-sdk-core (~> 3, >= 3.201.0)
      aws-sigv2 (~> 1.0)
    aws-sdk-simspaceweaver (1.20.0)
      aws-sdk-core (~> 3, >= 3.201.0)
      aws-sigv4 (~> 1.1)
    aws-sdk-sms (1.59.0)
      aws-sdk-core (~> 3, >= 3.201.0)
      aws-sigv4 (~> 1.1)
    aws-sdk-snowball (1.73.0)
      aws-sdk-core (~> 3, >= 3.201.0)
      aws-sigv4 (~> 1.5)
    aws-sdk-snowdevicemanagement (1.25.0)
      aws-sdk-core (~> 3, >= 3.201.0)
      aws-sigv4 (~> 1.1)
    aws-sdk-sns (1.82.0)
      aws-sdk-core (~> 3, >= 3.201.0)
      aws-sigv4 (~> 1.5)
    aws-sdk-sqs (1.80.0)
      aws-sdk-core (~> 3, >= 3.201.0)
      aws-sigv4 (~> 1.5)
    aws-sdk-ssm (1.173.0)
      aws-sdk-core (~> 3, >= 3.201.0)
      aws-sigv4 (~> 1.5)
    aws-sdk-ssmcontacts (1.34.0)
      aws-sdk-core (~> 3, >= 3.201.0)
      aws-sigv4 (~> 1.5)
    aws-sdk-ssmincidents (1.39.0)
      aws-sdk-core (~> 3, >= 3.201.0)
      aws-sigv4 (~> 1.1)
    aws-sdk-ssmsap (1.23.0)
      aws-sdk-core (~> 3, >= 3.201.0)
      aws-sigv4 (~> 1.1)
    aws-sdk-ssoadmin (1.41.0)
      aws-sdk-core (~> 3, >= 3.201.0)
      aws-sigv4 (~> 1.1)
    aws-sdk-states (1.73.0)
      aws-sdk-core (~> 3, >= 3.201.0)
      aws-sigv4 (~> 1.5)
    aws-sdk-storagegateway (1.91.0)
      aws-sdk-core (~> 3, >= 3.201.0)
      aws-sigv4 (~> 1.5)
    aws-sdk-supplychain (1.8.0)
      aws-sdk-core (~> 3, >= 3.201.0)
      aws-sigv4 (~> 1.1)
    aws-sdk-support (1.63.0)
      aws-sdk-core (~> 3, >= 3.201.0)
      aws-sigv4 (~> 1.5)
    aws-sdk-supportapp (1.20.0)
      aws-sdk-core (~> 3, >= 3.201.0)
      aws-sigv4 (~> 1.1)
    aws-sdk-swf (1.59.0)
      aws-sdk-core (~> 3, >= 3.201.0)
      aws-sigv4 (~> 1.5)
    aws-sdk-synthetics (1.47.0)
      aws-sdk-core (~> 3, >= 3.201.0)
      aws-sigv4 (~> 1.5)
    aws-sdk-taxsettings (1.5.0)
      aws-sdk-core (~> 3, >= 3.201.0)
      aws-sigv4 (~> 1.5)
    aws-sdk-textract (1.63.0)
      aws-sdk-core (~> 3, >= 3.201.0)
      aws-sigv4 (~> 1.5)
    aws-sdk-timestreaminfluxdb (1.6.0)
      aws-sdk-core (~> 3, >= 3.201.0)
      aws-sigv4 (~> 1.1)
    aws-sdk-timestreamquery (1.38.0)
      aws-sdk-core (~> 3, >= 3.201.0)
      aws-sigv4 (~> 1.5)
    aws-sdk-timestreamwrite (1.34.0)
      aws-sdk-core (~> 3, >= 3.201.0)
      aws-sigv4 (~> 1.1)
    aws-sdk-tnb (1.17.0)
      aws-sdk-core (~> 3, >= 3.201.0)
      aws-sigv4 (~> 1.1)
    aws-sdk-transcribeservice (1.103.0)
      aws-sdk-core (~> 3, >= 3.201.0)
      aws-sigv4 (~> 1.5)
    aws-sdk-transcribestreamingservice (1.64.0)
      aws-sdk-core (~> 3, >= 3.201.0)
      aws-sigv4 (~> 1.5)
    aws-sdk-transfer (1.98.0)
      aws-sdk-core (~> 3, >= 3.201.0)
      aws-sigv4 (~> 1.1)
    aws-sdk-translate (1.70.0)
      aws-sdk-core (~> 3, >= 3.201.0)
      aws-sigv4 (~> 1.5)
    aws-sdk-trustedadvisor (1.10.0)
      aws-sdk-core (~> 3, >= 3.201.0)
      aws-sigv4 (~> 1.1)
    aws-sdk-verifiedpermissions (1.28.0)
      aws-sdk-core (~> 3, >= 3.201.0)
      aws-sigv4 (~> 1.1)
    aws-sdk-voiceid (1.29.0)
      aws-sdk-core (~> 3, >= 3.201.0)
      aws-sigv4 (~> 1.1)
    aws-sdk-vpclattice (1.17.0)
      aws-sdk-core (~> 3, >= 3.201.0)
      aws-sigv4 (~> 1.1)
    aws-sdk-waf (1.66.0)
      aws-sdk-core (~> 3, >= 3.201.0)
      aws-sigv4 (~> 1.5)
    aws-sdk-wafregional (1.67.0)
      aws-sdk-core (~> 3, >= 3.201.0)
      aws-sigv4 (~> 1.5)
    aws-sdk-wafv2 (1.88.0)
      aws-sdk-core (~> 3, >= 3.201.0)
      aws-sigv4 (~> 1.5)
    aws-sdk-wellarchitected (1.41.0)
      aws-sdk-core (~> 3, >= 3.201.0)
      aws-sigv4 (~> 1.5)
    aws-sdk-workdocs (1.62.0)
      aws-sdk-core (~> 3, >= 3.201.0)
      aws-sigv4 (~> 1.5)
    aws-sdk-worklink (1.52.0)
      aws-sdk-core (~> 3, >= 3.201.0)
      aws-sigv4 (~> 1.5)
    aws-sdk-workmail (1.70.0)
      aws-sdk-core (~> 3, >= 3.201.0)
      aws-sigv4 (~> 1.5)
    aws-sdk-workmailmessageflow (1.40.0)
      aws-sdk-core (~> 3, >= 3.201.0)
      aws-sigv4 (~> 1.5)
    aws-sdk-workspaces (1.110.0)
      aws-sdk-core (~> 3, >= 3.201.0)
      aws-sigv4 (~> 1.5)
    aws-sdk-workspacesthinclient (1.11.0)
      aws-sdk-core (~> 3, >= 3.201.0)
      aws-sigv4 (~> 1.5)
    aws-sdk-workspacesweb (1.26.0)
      aws-sdk-core (~> 3, >= 3.201.0)
      aws-sigv4 (~> 1.1)
    aws-sdk-xray (1.70.0)
      aws-sdk-core (~> 3, >= 3.201.0)
      aws-sigv4 (~> 1.5)
    aws-sigv2 (1.2.0)
    aws-sigv4 (1.9.1)
      aws-eventstream (~> 1, >= 1.0.2)
    axiom-types (0.1.1)
      descendants_tracker (~> 0.0.4)
      ice_nine (~> 0.11.0)
      thread_safe (~> 0.3, >= 0.3.1)
    backports (3.25.0)
    base64 (0.2.0)
    bcrypt (3.1.20)
    benchmark-malloc (0.2.0)
    benchmark-perf (0.6.0)
    benchmark-trend (0.4.0)
    bigdecimal (3.1.8)
    binding_of_caller (1.0.1)
      debug_inspector (>= 1.2.0)
    bootsnap (1.18.3)
      msgpack (~> 1.2)
    bootstrap-multiselect-rails (0.9.9)
      rails (>= 4.0.0)
    brakeman (6.1.2)
      racc
    browser (2.7.0)
    bson (4.15.0)
    builder (3.3.0)
    bunny (2.23.0)
      amq-protocol (~> 2.3, >= 2.3.1)
      sorted_set (~> 1, >= 1.0.2)
    byebug (11.1.3)
    capistrano (3.3.5)
      capistrano-stats (~> 1.1.0)
      i18n
      rake (>= 10.0.0)
      sshkit (~> 1.3)
    capistrano-bundler (1.6.0)
      capistrano (~> 3.1)
    capistrano-rails (1.1.6)
      capistrano (~> 3.1)
      capistrano-bundler (~> 1.1)
    capistrano-stats (1.1.1)
    capybara (3.40.0)
      addressable
      matrix
      mini_mime (>= 0.1.3)
      nokogiri (~> 1.11)
      rack (>= 1.6.0)
      rack-test (>= 0.6.3)
      regexp_parser (>= 1.5, < 3.0)
      xpath (~> 3.2)
    capybara-screenshot (1.0.26)
      capybara (>= 1.0, < 4)
      launchy
    carrierwave (2.2.6)
      activemodel (>= 5.0.0)
      activesupport (>= 5.0.0)
      addressable (~> 2.6)
      image_processing (~> 1.1)
      marcel (~> 1.0.0)
      mini_mime (>= 0.1.3)
      ssrf_filter (~> 1.0)
    carrierwave-mongoid (1.4.0)
      carrierwave (>= 0.8, < 3)
      mongoid (>= 3.0, < 9.0)
      mongoid-grid_fs (>= 1.3, < 3.0)
    case_transform (0.2)
      activesupport
    celluloid (0.17.4)
      celluloid-essentials
      celluloid-extras
      celluloid-fsm
      celluloid-pool
      celluloid-supervision
      timers (>= 4.1.1)
    celluloid-essentials (0.20.5)
      timers (>= 4.1.1)
    celluloid-extras (0.20.5)
      timers (>= 4.1.1)
    celluloid-fsm (0.20.5)
      timers (>= 4.1.1)
    celluloid-io (0.17.3)
      celluloid (>= 0.17.2)
      nio4r (>= 1.1)
      timers (>= 4.1.1)
    celluloid-pool (0.20.5)
      timers (>= 4.1.1)
    celluloid-supervision (0.20.6)
      timers (>= 4.1.1)
    certified (1.0.0)
    childprocess (5.0.0)
    chosen-rails (1.10.0)
      coffee-rails (>= 3.2)
      railties (>= 3.0)
      sassc-rails (>= 2.1.2)
    ckeditor (4.2.4)
      cocaine
      orm_adapter (~> 0.5.0)
    climate_control (0.2.0)
    cocaine (0.6.0)
      terrapin (= 0.6.0)
    coderay (1.1.3)
    coercible (1.0.0)
      descendants_tracker (~> 0.0.1)
    coffee-rails (5.0.0)
      coffee-script (>= 2.2.0)
      railties (>= 5.2.0)
    coffee-script (2.4.1)
      coffee-script-source
      execjs
    coffee-script-source (1.12.2)
    combine_pdf (1.0.26)
      matrix
      ruby-rc4 (>= 0.1.5)
    concurrent-ruby (1.3.3)
    config (2.2.3)
      deep_merge (~> 1.2, >= 1.2.1)
      dry-validation (~> 1.0, >= 1.0.0)
    crack (1.0.0)
      bigdecimal
      rexml
    crass (1.0.6)
    csv (3.3.0)
    cucumber (3.1.2)
      builder (>= 2.1.2)
      cucumber-core (~> 3.2.0)
      cucumber-expressions (~> 6.0.1)
      cucumber-wire (~> 0.0.1)
      diff-lcs (~> 1.3)
      gherkin (~> 5.1.0)
      multi_json (>= 1.7.5, < 2.0)
      multi_test (>= 0.1.2)
    cucumber-core (3.2.1)
      backports (>= 3.8.0)
      cucumber-tag_expressions (~> 1.1.0)
      gherkin (~> 5.0)
    cucumber-expressions (6.0.1)
    cucumber-rails (2.0.0)
      capybara (>= 2.12, < 4)
      cucumber (>= 3.0.2, < 4)
      mime-types (>= 2.0, < 4)
      nokogiri (~> 1.8)
      railties (>= 4.2, < 7)
    cucumber-tag_expressions (1.1.1)
    cucumber-wire (0.0.1)
    database_cleaner-core (2.0.1)
    database_cleaner-mongoid (2.0.1)
      database_cleaner-core (~> 2.0.0)
      mongoid
    date (3.4.1)
    debug_inspector (1.2.0)
    deep_merge (1.2.2)
    descendants_tracker (0.0.4)
      thread_safe (~> 0.3, >= 0.3.1)
    devise (4.9.4)
      bcrypt (~> 3.0)
      orm_adapter (~> 0.1)
      railties (>= 4.1.0)
      responders
      warden (~> 1.2.3)
    diff-lcs (1.5.1)
    docile (1.1.5)
    dry-auto_inject (0.6.1)
      dry-container (>= 0.3.4)
    dry-configurable (0.16.1)
      dry-core (~> 0.6)
      zeitwerk (~> 2.6)
    dry-container (0.9.0)
      concurrent-ruby (~> 1.0)
      dry-configurable (~> 0.13, >= 0.13.0)
    dry-core (0.9.1)
      concurrent-ruby (~> 1.0)
      zeitwerk (~> 2.6)
    dry-inflector (0.3.0)
    dry-initializer (3.1.1)
    dry-logic (1.3.0)
      concurrent-ruby (~> 1.0)
      dry-core (~> 0.9, >= 0.9)
      zeitwerk (~> 2.6)
    dry-matcher (0.9.0)
      dry-core (~> 0.4, >= 0.4.8)
    dry-monads (1.5.0)
      concurrent-ruby (~> 1.0)
      dry-core (~> 0.9, >= 0.9)
      zeitwerk (~> 2.6)
    dry-schema (1.11.3)
      concurrent-ruby (~> 1.0)
      dry-configurable (~> 0.16, >= 0.16)
      dry-core (~> 0.9, >= 0.9)
      dry-initializer (~> 3.0)
      dry-logic (~> 1.3)
      dry-types (~> 1.6)
      zeitwerk (~> 2.6)
    dry-struct (1.5.2)
      dry-core (~> 0.9, >= 0.9)
      dry-types (~> 1.6)
      ice_nine (~> 0.11)
      zeitwerk (~> 2.6)
    dry-transformer (0.1.1)
    dry-types (1.6.1)
      concurrent-ruby (~> 1.0)
      dry-container (~> 0.3)
      dry-core (~> 0.9, >= 0.9)
      dry-inflector (~> 0.1, >= 0.1.2)
      dry-logic (~> 1.3, >= 1.3)
      zeitwerk (~> 2.6)
    dry-validation (1.9.0)
      concurrent-ruby (~> 1.0)
      dry-container (~> 0.7, >= 0.7.1)
      dry-core (~> 0.9, >= 0.9)
      dry-initializer (~> 3.0)
      dry-schema (~> 1.11, >= 1.11.0)
      zeitwerk (~> 2.6)
    easy_diff (1.0.0)
    email_spec (2.3.0)
      htmlentities (~> 4.3.3)
      launchy (>= 2.1, < 4.0)
      mail (~> 2.7)
    equalizer (0.0.11)
    erubi (1.13.0)
    execjs (2.9.1)
    eye (0.10.0)
      celluloid (~> 0.17.3)
      celluloid-io (~> 0.17.0)
      kostya-sigar (~> 2.0.0)
      state_machines
      thor
    factory_bot (4.11.1)
      activesupport (>= 3.0.0)
    factory_bot_rails (4.11.1)
      factory_bot (~> 4.11.1)
      railties (>= 3.0.0)
    fakeredis (0.9.2)
      redis (~> 4.8)
    ffi (1.15.5)
    forgery (0.8.1)
    gherkin (5.1.0)
    globalid (1.2.1)
      activesupport (>= 6.1)
    haml (6.3.0)
      temple (>= 0.8.2)
      thor
      tilt
    haml-rails (2.1.0)
      actionpack (>= 5.1)
      activesupport (>= 5.1)
      haml (>= 4.0.6)
      railties (>= 5.1)
    hashdiff (1.1.0)
    hashery (2.1.2)
    holidays (8.8.0)
    htmlentities (4.3.4)
    httparty (0.22.0)
      csv
      mini_mime (>= 1.0.0)
      multi_xml (>= 0.5.2)
    i18n (1.14.5)
      concurrent-ruby (~> 1.0)
    ice_cube (0.17.0)
    ice_nine (0.11.2)
    image_processing (1.13.0)
      mini_magick (>= 4.9.5, < 5)
      ruby-vips (>= 2.0.17, < 3)
    iniparse (1.5.0)
    interactor (3.1.2)
    interactor-rails (2.2.1)
      interactor (~> 3.0)
      rails (>= 4.2)
    iso_country_codes (0.7.8)
    jbuilder (2.12.0)
      actionview (>= 5.0.0)
      activesupport (>= 5.0.0)
    jmespath (1.6.2)
    jquery-rails (4.6.0)
      rails-dom-testing (>= 1, < 3)
      railties (>= 4.2.0)
      thor (>= 0.14, < 2.0)
    jquery-turbolinks (2.1.0)
      railties (>= 3.1.0)
      turbolinks
    jquery-ui-rails (7.0.0)
      railties (>= 3.2.16)
    json (2.7.2)
    json-schema (5.0.1)
      addressable (~> 2.8)
    jsonapi-renderer (0.2.2)
    kaminari (1.2.1)
      activesupport (>= 4.1.0)
      kaminari-actionview (= 1.2.1)
      kaminari-activerecord (= 1.2.1)
      kaminari-core (= 1.2.1)
    kaminari-actionview (1.2.1)
      actionview
      kaminari-core (= 1.2.1)
    kaminari-activerecord (1.2.1)
      activerecord
      kaminari-core (= 1.2.1)
    kaminari-core (1.2.1)
    kaminari-mongoid (1.0.2)
      kaminari-core (~> 1.0)
      mongoid
    kgio (2.11.4)
    kostya-sigar (2.0.10)
    language_list (1.1.0)
    language_server-protocol (3.17.0.3)
    launchy (3.0.1)
      addressable (~> 2.8)
      childprocess (~> 5.0)
    logger (1.6.0)
    loofah (2.19.1)
      crass (~> 1.0.2)
      nokogiri (>= 1.5.9)
    mail (2.8.1)
      mini_mime (>= 0.1.1)
      net-imap
      net-pop
      net-smtp
    marcel (1.0.4)
    maskedinput-rails (1.4.1.0)
    matrix (0.4.2)
    method_source (1.1.0)
    mime-types (3.5.2)
      mime-types-data (~> 3.2015)
    mime-types-data (3.2024.0702)
    mini_magick (4.13.2)
    mini_mime (1.1.5)
    mini_portile2 (2.8.7)
    minitest (5.24.1)
    monetize (1.13.0)
      money (~> 6.12)
    money (6.19.0)
      i18n (>= 0.6.4, <= 2)
    money-rails (1.15.0)
      activesupport (>= 3.0)
      monetize (~> 1.9)
      money (~> 6.13)
      railties (>= 3.0)
    mongo (2.20.1)
      bson (>= 4.14.1, < 6.0.0)
    mongo_session_store (3.2.1)
      actionpack (>= 4.0)
      mongo (~> 2.0)
    mongoid (7.5.4)
      activemodel (>= 5.1, < 7.1, != 7.0.0)
      mongo (>= 2.10.5, < 3.0.0)
      ruby2_keywords (~> 0.0.5)
    mongoid-autoinc (6.0.4)
      mongoid (>= 6.0, < 9.0)
    mongoid-compatibility (1.0.0)
      activesupport
      mongoid (>= 2.0)
    mongoid-grid_fs (2.5.0)
      mime-types (>= 1.0, < 4.0)
      mongoid (>= 3.0, < 9.0)
    mongoid-history (0.8.5)
      activesupport
      easy_diff
      mongoid (>= 3.0)
      mongoid-compatibility (>= 0.5.1)
    mongoid-rspec (4.1.0)
      activesupport (>= 3.0.0)
      mongoid (>= 3.1)
      mongoid-compatibility (>= 0.5.1)
      rspec-core (~> 3.3)
      rspec-expectations (~> 3.3)
      rspec-mocks (~> 3.3)
    mongoid_rails_migrations (1.2.1)
      activesupport (>= 4.2.0)
      bundler (>= 1.0.0)
      mongoid (>= 4.0.0)
      rails (>= 4.2.0)
      railties (>= 4.2.0)
    mono_logger (1.1.2)
    msgpack (1.7.2)
    multi_json (1.15.0)
    multi_test (1.1.0)
    multi_xml (0.6.0)
    mustermann (3.0.0)
      ruby2_keywords (~> 0.0.1)
    net-imap (0.4.19)
      date
      net-protocol
    net-pop (0.1.2)
      net-protocol
    net-protocol (0.2.2)
      timeout
    net-scp (4.0.0)
      net-ssh (>= 2.6.5, < 8.0.0)
    net-sftp (2.1.2)
      net-ssh (>= 2.6.5)
    net-smtp (0.5.0)
      net-protocol
    net-ssh (4.2.0)
    newrelic_rpm (9.12.0)
    nio4r (2.7.3)
    nokogiri (1.18.6)
      mini_portile2 (~> 2.8.2)
      racc (~> 1.4)
    nokogiri (1.18.6-arm64-darwin)
      racc (~> 1.4)
    nokogiri (1.18.6-x86_64-linux-gnu)
      racc (~> 1.4)
    nokogiri-happymapper (0.8.1)
      nokogiri (~> 1.5)
    non-stupid-digest-assets (1.0.11)
      sprockets (>= 2.0)
    oj (3.16.6)
      bigdecimal (>= 3.0)
      ostruct (>= 0.2)
    orm_adapter (0.5.0)
    ostruct (0.6.0)
    overcommit (0.64.0)
      childprocess (>= 0.6.3, < 6)
      iniparse (~> 1.4)
      rexml (~> 3.2)
    ox (2.14.18)
    parallel (1.25.1)
    parallel_tests (2.26.2)
      parallel
    parser (3.3.4.0)
      ast (~> 2.4.1)
      racc
    pdf-reader (1.4.1)
      Ascii85 (~> 1.0.0)
      afm (~> 0.2.1)
      hashery (~> 2.0)
      ruby-rc4
      ttfunk
    pry (0.14.2)
      coderay (~> 1.1)
      method_source (~> 1.0)
    pry-byebug (3.10.1)
      byebug (~> 11.0)
      pry (>= 0.13, < 0.15)
    psych (5.1.2)
      stringio
    public_suffix (4.0.7)
    puma (5.6.9)
      nio4r (~> 2.0)
    pundit (1.0.1)
      activesupport (>= 3.0.0)
    racc (1.8.1)
    rack (2.2.13)
    rack-cors (2.0.2)
      rack (>= 2.0.0)
    rack-protection (3.2.0)
      base64 (>= 0.1.0)
      rack (~> 2.2, >= 2.2.4)
    rack-proxy (0.7.7)
      rack
    rack-session (1.0.2)
      rack (< 3)
    rack-test (2.1.0)
      rack (>= 1.3)
    railroady (1.5.3)
    rails (6.1.7.10)
      actioncable (= 6.1.7.10)
      actionmailbox (= 6.1.7.10)
      actionmailer (= 6.1.7.10)
      actionpack (= 6.1.7.10)
      actiontext (= 6.1.7.10)
      actionview (= 6.1.7.10)
      activejob (= 6.1.7.10)
      activemodel (= 6.1.7.10)
      activerecord (= 6.1.7.10)
      activestorage (= 6.1.7.10)
      activesupport (= 6.1.7.10)
      bundler (>= 1.15.0)
      railties (= 6.1.7.10)
      sprockets-rails (>= 2.0.0)
    rails-controller-testing (1.0.5)
      actionpack (>= 5.0.1.rc1)
      actionview (>= 5.0.1.rc1)
      activesupport (>= 5.0.1.rc1)
    rails-dom-testing (2.2.0)
      activesupport (>= 5.0.0)
      minitest
      nokogiri (>= 1.6)
    rails-html-sanitizer (1.5.0)
      loofah (~> 2.19, >= 2.19.1)
    rails-i18n (7.0.9)
      i18n (>= 0.7, < 2)
      railties (>= 6.0.0, < 8)
    railties (6.1.7.10)
      actionpack (= 6.1.7.10)
      activesupport (= 6.1.7.10)
      method_source
      rake (>= 12.2)
      thor (~> 1.0)
    rainbow (3.1.1)
    raindrops (0.20.1)
    rake (12.3.3)
    rb-fsevent (0.11.2)
    rb-inotify (0.11.1)
      ffi (~> 1.0)
    rbnacl (7.1.1)
      ffi
    rbtree (0.4.6)
    rdoc (6.7.0)
      psych (>= 4.0.0)
    recaptcha (4.3.1)
      json
    recurring_select (3.0.1)
      coffee-rails (>= 3.1)
      ice_cube (>= 0.11)
      jquery-rails (>= 3.0)
      rails (>= 5.2)
      sass-rails (>= 4.0)
    redis (4.8.1)
    redis-actionpack (5.4.0)
      actionpack (>= 5, < 8)
      redis-rack (>= 2.1.0, < 4)
      redis-store (>= 1.1.0, < 2)
    redis-activesupport (5.3.0)
      activesupport (>= 3, < 8)
      redis-store (>= 1.3, < 2)
    redis-namespace (1.11.0)
      redis (>= 4)
    redis-rack (3.0.0)
      rack-session (>= 0.2.0)
      redis-store (>= 1.2, < 2)
    redis-rails (5.0.2)
      redis-actionpack (>= 5.0, < 6)
      redis-activesupport (>= 5.0, < 6)
      redis-store (>= 1.2, < 2)
    redis-store (1.10.0)
      redis (>= 4, < 6)
    regexp_parser (2.9.2)
    responders (3.1.1)
      actionpack (>= 5.2)
      railties (>= 5.2)
    resque (2.6.0)
      mono_logger (~> 1.0)
      multi_json (~> 1.0)
      redis-namespace (~> 1.6)
      sinatra (>= 0.9.2)
    rexml (3.4.1)
    roo (2.10.1)
      nokogiri (~> 1)
      rubyzip (>= 1.3.0, < 3.0.0)
    rspec (3.13.0)
      rspec-core (~> 3.13.0)
      rspec-expectations (~> 3.13.0)
      rspec-mocks (~> 3.13.0)
    rspec-benchmark (0.6.0)
      benchmark-malloc (~> 0.2)
      benchmark-perf (~> 0.6)
      benchmark-trend (~> 0.4)
      rspec (>= 3.0)
    rspec-core (3.13.0)
      rspec-support (~> 3.13.0)
    rspec-expectations (3.13.1)
      diff-lcs (>= 1.2.0, < 2.0)
      rspec-support (~> 3.13.0)
    rspec-instafail (1.0.0)
      rspec
    rspec-mocks (3.13.1)
      diff-lcs (>= 1.2.0, < 2.0)
      rspec-support (~> 3.13.0)
    rspec-rails (5.1.2)
      actionpack (>= 5.2)
      activesupport (>= 5.2)
      railties (>= 5.2)
      rspec-core (~> 3.10)
      rspec-expectations (~> 3.10)
      rspec-mocks (~> 3.10)
      rspec-support (~> 3.10)
    rspec-support (3.13.1)
    rspec_junit_formatter (0.2.3)
      builder (< 4)
      rspec-core (>= 2, < 4, != 2.12.0)
    rubocop (1.65.0)
      json (~> 2.3)
      language_server-protocol (>= 3.17.0)
      parallel (~> 1.10)
      parser (>= 3.3.0.2)
      rainbow (>= 2.2.2, < 4.0)
      regexp_parser (>= 2.4, < 3.0)
      rexml (>= 3.2.5, < 4.0)
      rubocop-ast (>= 1.31.1, < 2.0)
      ruby-progressbar (~> 1.7)
      unicode-display_width (>= 2.4.0, < 3.0)
    rubocop-ast (1.31.3)
      parser (>= 3.3.1.0)
    rubocop-git (0.1.3)
      rubocop (>= 0.24.1)
    rubocop-rspec (3.0.3)
      rubocop (~> 1.61)
    ruby-progressbar (1.13.0)
    ruby-rc4 (0.1.5)
    ruby-saml (1.18.0)
      nokogiri (>= 1.13.10)
      rexml
    ruby-vips (2.2.2)
      ffi (~> 1.12)
      logger
    ruby2_keywords (0.0.5)
    rubyXL (3.4.27)
      nokogiri (>= 1.10.8)
      rubyzip (>= 1.3.0)
    rubyzip (2.3.2)
    sass (3.7.4)
      sass-listen (~> 4.0.0)
    sass-listen (4.0.0)
      rb-fsevent (~> 0.9, >= 0.9.4)
      rb-inotify (~> 0.9, >= 0.9.7)
    sass-rails (5.1.0)
      railties (>= 5.2.0)
      sass (~> 3.1)
      sprockets (>= 2.8, < 4.0)
      sprockets-rails (>= 2.0, < 4.0)
      tilt (>= 1.1, < 3)
    sassc (2.4.0)
      ffi (~> 1.9)
    sassc-rails (2.1.2)
      railties (>= 4.0.0)
      sassc (>= 2.0)
      sprockets (> 3.0)
      sprockets-rails
      tilt
    sdoc (1.1.0)
      rdoc (>= 5.0)
    selenium-webdriver (4.10.0)
      rexml (~> 3.2, >= 3.2.5)
      rubyzip (>= 1.2.2, < 3.0)
      websocket (~> 1.0)
    semantic_range (3.0.0)
    serverengine (2.1.1)
      sigdump (~> 0.2.2)
    set (1.1.0)
    shoulda-matchers (6.2.0)
      activesupport (>= 5.2.0)
    sigdump (0.2.5)
    simple_form (5.3.1)
      actionpack (>= 5.2)
      activemodel (>= 5.2)
    simplecov (0.14.1)
      docile (~> 1.1.0)
      json (>= 1.8, < 3)
      simplecov-html (~> 0.10.0)
    simplecov-html (0.10.2)
    sinatra (3.2.0)
      mustermann (~> 3.0)
      rack (~> 2.2, >= 2.2.4)
      rack-protection (= 3.2.0)
      tilt (~> 2.0)
    slim (3.0.9)
      temple (>= 0.7.6, < 0.9)
      tilt (>= 1.3.3, < 2.1)
    slim-rails (3.6.3)
      actionpack (>= 3.1)
      railties (>= 3.1)
      slim (>= 3.0, < 6.0, != 5.0.0)
    sneakers (2.12.0)
      bunny (~> 2.14)
      concurrent-ruby (~> 1.0)
      rake (~> 12.3)
      serverengine (~> 2.1.0)
      thor
    sorted_set (1.0.3)
      rbtree
      set (~> 1.0)
    spring (1.6.3)
    sprockets (3.7.3)
      base64
      concurrent-ruby (~> 1.0)
      rack (> 1, < 3)
    sprockets-rails (3.5.1)
      actionpack (>= 6.1)
      activesupport (>= 6.1)
      sprockets (>= 3.0.0)
    sshkit (1.23.0)
      base64
      net-scp (>= 1.1.2)
      net-sftp (>= 2.1.2)
      net-ssh (>= 2.8.0)
    ssrf_filter (1.1.2)
    state_machines (0.6.0)
    stringio (3.1.1)
    symmetric-encryption (3.6.0)
      coercible (>= 1.0.0)
    temple (0.8.2)
    terrapin (0.6.0)
      climate_control (>= 0.0.3, < 1.0)
    test-prof (1.3.3.1)
    thor (1.3.1)
    thread_safe (0.3.6)
    tilt (2.0.11)
    timeout (0.4.1)
    timers (4.3.5)
    ttfunk (1.0.3)
    turbolinks (5.2.1)
      turbolinks-source (~> 5.2)
    turbolinks-source (5.2.0)
    tzinfo (2.0.6)
      concurrent-ruby (~> 1.0)
    uglifier (4.2.0)
      execjs (>= 0.3.0, < 3)
    unicode-display_width (2.5.0)
    unicorn (4.8.3)
      kgio (~> 2.6)
      rack
      raindrops (~> 0.7)
    virtus (1.0.5)
      axiom-types (~> 0.1)
      coercible (~> 1.0)
      descendants_tracker (~> 0.0, >= 0.0.3)
      equalizer (~> 0.0, >= 0.0.9)
    warden (1.2.9)
      rack (>= 2.0.9)
    watir (6.18.0)
      regexp_parser (>= 1.2, < 3)
      selenium-webdriver (>= 3.8)
    web-console (2.3.0)
      activemodel (>= 4.0)
      binding_of_caller (>= 0.7.2)
      railties (>= 4.0)
      sprockets-rails (>= 2.0, < 4.0)
    webdrivers (5.3.1)
      nokogiri (~> 1.6)
      rubyzip (>= 1.3.0)
      selenium-webdriver (~> 4.0, < 4.11)
    webmock (3.23.1)
      addressable (>= 2.8.0)
      crack (>= 0.3.2)
      hashdiff (>= 0.4.0, < 2.0.0)
    webpacker (5.4.4)
      activesupport (>= 5.2)
      rack-proxy (>= 0.6.1)
      railties (>= 5.2)
      semantic_range (>= 2.3.0)
    websocket (1.2.11)
    websocket-driver (0.7.7)
      base64
      websocket-extensions (>= 0.1.0)
    websocket-extensions (0.1.5)
    wicked_pdf (2.1.0)
      activesupport
    wkhtmltopdf-binary-edge (0.12.3.0)
    xpath (3.2.0)
      nokogiri (~> 1.8)
    yard (0.9.36)
    yard-mongoid (0.1.0)
      yard (>= 0.8.4)
    zeitwerk (2.6.17)

PLATFORMS
  arm64-darwin-23
  ruby
  x86_64-linux

DEPENDENCIES
  aasm (~> 4.8.0)
  aca_entities!
  acapi!
  action_mailer_cache_delivery (~> 0.3.7)
  addressable (= 2.8.0)
  animate-rails (~> 1.0.10)
  aws-sdk (~> 3.2)
  bcrypt (~> 3.1)
  benefit_markets!
  benefit_sponsors!
  bigdecimal (~> 3.0)
  bootstrap-multiselect-rails (~> 0.9.9)
  brakeman
  browser (= 2.7.0)
  bson (~> 4.3)
  capistrano (= 3.3.5)
  capistrano-rails (= 1.1.6)
  capybara (~> 3.39)
  capybara-screenshot (~> 1.0.18)
  carrierwave-mongoid
  certified
  chosen-rails
  ckeditor (= 4.2.4)
  climate_control (= 0.2.0)
  coffee-rails (~> 5.0.0)
  combine_pdf
  config (~> 2.0)
  cucumber (= 3.1.2)
  cucumber-rails (= 2.0)
  database_cleaner-mongoid (~> 2.0, >= 2.0.1)
  devise (~> 4.5)
  dry-container (= 0.9)
  effective_datatables!
  email_spec (~> 2)
  eye (= 0.10.0)
  factory_bot_rails (~> 4.11)
  fakeredis
  ffi (= 1.15.5)
  forgery
  haml
  haml-rails (~> 2.0)
  holidays (~> 8.6)
  httparty
  i18n (~> 1.5)
  interactor (~> 3.1.2)
  interactor-rails (= 2.2.1)
  jbuilder (~> 2.0)
  jquery-rails (~> 4.3)
  jquery-turbolinks
  jquery-ui-rails (~> 7.0)
  kaminari (= 1.2.1)
  kaminari-actionview
  kaminari-mongoid
  kostya-sigar (= 2.0.10)
  language_list (~> 1.1.0)
  loofah (~> 2.19.1)
  mail (~> 2.7)
  maskedinput-rails
  matrix
  money-rails (~> 1.13)
  mongo_session_store (~> 3.1)
  mongoid (~> 7.5.4)
  mongoid-autoinc (~> 6.0)
  mongoid-history (~> 0.8)
  mongoid-rspec (= 4.1.0)
  mongoid_rails_migrations (= 1.2.1)
  mongoid_userstamp (~> 0.4)!
  net-imap (>= 0.4.19)
  newrelic_rpm (~> 9.6)
  nokogiri (>= 1.18.4)
  nokogiri-happymapper (~> 0.8.0)
  non-stupid-digest-assets (~> 1.0, >= 1.0.9)
  notifier!
  openhbx_cv2!
  overcommit
  parallel_tests (= 2.26.2)
  prawn!
  pry-byebug
  puma (~> 5.6.9)
  pundit (~> 1.0.1)
  rack (~> 2.2.4)
  rack-cors
  railroady (~> 1.5.2)
  rails (~> 6.1.7.10)
  rails-controller-testing
  rails-i18n (= 7.0.9)
  recaptcha (= 4.3.1)
  recurring_select (~> 3.0)
  redis-rails
  resource_registry!
  resque
  rexml (>= 3.3.9)
  roo (~> 2.10)
  rspec-benchmark
  rspec-instafail
  rspec-rails (~> 5.1.2)
  rspec_junit_formatter (= 0.2.3)
  rubocop
  rubocop-git
  rubocop-rspec
  ruby-progressbar (~> 1.7)
  ruby-saml (~> 1.18.0)
  rubyXL
  sass-rails (~> 5)
  sassc (~> 2.0)
  sdoc (~> 1.0)
  shoulda-matchers (>= 4.0.0)
  simple_calendar!
  simplecov (= 0.14.1)
  slim (~> 3.0.8)
  slim-rails
  sponsored_benefits!
  spring (= 1.6.3)
  sprockets (~> 3.5, >= 3.5.2)
  symmetric-encryption (~> 3.6.0)
  test-prof (~> 1.3)
  transport_gateway!
  transport_profiles!
  turbolinks (~> 5)
  uglifier (>= 1.3.0)
  unicorn (~> 4.8.3)
  virtus
  warden
  watir (~> 6.18.0)
  web-console (= 2.3.0)
  webdrivers (~> 5.3.1)
  webmock
  webpacker
  wicked_pdf (= 2.1.0)
  wkhtmltopdf-binary-edge (~> 0.12.3.0)
  yard (~> 0.9.5)
  yard-mongoid (~> 0.1.0)

RUBY VERSION
   ruby 3.2.5p208

BUNDLED WITH
   2.4.22
